GIT
  remote: git://github.com/ernie/meta_where.git
  revision: 2763666e9b2b1e1d39e6038e2b377d7e214d70a6
  specs:
    meta_where (0.9.2)
      activerecord (~> 3.0.0.rc2)
      activesupport (~> 3.0.0.rc2)
      arel (~> 1.0.0.rc1)

GIT
  remote: git://github.com/plataformatec/responders.git
  revision: 3684de7fe572b48fc723d62362f583562ac85a71
  specs:
    responders (0.6.2)

GIT
  remote: git://github.com/rymai/devise_invitable.git
  revision: c186969eeb252fc7fac357a1bef9a2242d6108ba
  specs:
    devise_invitable (0.6.5)
      devise (~> 1.1.2)
      rails (~> 3.0.0)

GIT
  remote: git://github.com/rymai/has_scope.git
  revision: 905797803aa5d3da24505d4b9b07c647cbdd8e6d
  specs:
    has_scope (0.5.0)

GIT
  remote: git://github.com/thibaudgg/delayed_job.git
  revision: 3c26b80e945f242b3befdb3bf2d26cd3bf9daad3
  specs:
    delayed_job (2.1.0.pre)
      daemons

GIT
  remote: git://github.com/thibaudgg/jammit.git
  revision: a9d1aec010616838fa000942af94071b4acf5582
  specs:
    jammit (0.5.1)
      closure-compiler (>= 0.1.0)
      yui-compressor (>= 0.9.1)

GIT
  remote: git://github.com/thibaudgg/rack-ssl-enforcer.git
  revision: e10b266ebb4c8a69f908465ad9825742070ea524
  specs:
    rack-ssl-enforcer (0.1.4)

GIT
  remote: git://github.com/thibaudgg/rack-staging.git
  revision: 10b9783cc1a13098de63a413d9e0dd0032b56937
  specs:
    rack-staging (0.1.0)

GIT
  remote: git://github.com/thibaudgg/voxel_hapi.git
  revision: d913ce045f1d65166416930e40609513072f62ec
  specs:
    voxel_hapi (1.1.0)
      libxml-ruby (>= 1.0.3)
      xml-simple (>= 1.0.12)

GEM
  remote: http://rubygems.org/
  specs:
    RedCloth (4.2.3)
    abstract (1.0.0)
    actionmailer (3.0.0)
      actionpack (= 3.0.0)
      mail (~> 2.2.5)
    actionpack (3.0.0)
      activemodel (= 3.0.0)
      activesupport (= 3.0.0)
      builder (~> 2.1.2)
      erubis (~> 2.6.6)
      i18n (~> 0.4.1)
      rack (~> 1.2.1)
      rack-mount (~> 0.6.12)
      rack-test (~> 0.5.4)
      tzinfo (~> 0.3.23)
    activemerchant (1.7.2)
      activesupport (>= 2.3.2)
      braintree (>= 2.0.0)
      builder (>= 2.0.0)
    activemodel (3.0.0)
      activesupport (= 3.0.0)
      builder (~> 2.1.2)
      i18n (~> 0.4.1)
    activerecord (3.0.0)
      activemodel (= 3.0.0)
      activesupport (= 3.0.0)
      arel (~> 1.0.0)
      tzinfo (~> 0.3.23)
    activeresource (3.0.0)
      activemodel (= 3.0.0)
      activesupport (= 3.0.0)
    activesupport (3.0.0)
    addressable (2.2.0)
    annotate (2.4.0)
    arel (1.0.1)
      activesupport (~> 3.0.0)
    aws (2.3.20)
      http_connection
      uuidtools
      xml-simple
    bcrypt-ruby (2.1.2)
    braintree (2.5.0)
      builder
    bson (1.0.4)
    bson_ext (1.0.4)
    builder (2.1.2)
    capybara (0.3.9)
      culerity (>= 0.2.4)
      mime-types (>= 1.16)
      nokogiri (>= 1.3.3)
      rack (>= 1.0.0)
      rack-test (>= 0.5.4)
      selenium-webdriver (>= 0.0.3)
    carrierwave (0.5.0.beta2)
      activesupport (>= 3.0.0.beta4)
    closure-compiler (0.3.2)
    configuration (1.1.0)
    crack (0.1.8)
    culerity (0.2.12)
    daemons (1.1.0)
    dalli (0.9.2)
    devise (1.1.2)
      bcrypt-ruby (~> 2.1.2)
      warden (~> 0.10.7)
    diff-lcs (1.1.2)
    erubis (2.6.6)
      abstract (>= 1.0.0)
    factory_girl (1.3.2)
    factory_girl_rails (1.0)
      factory_girl (~> 1.3)
      rails (>= 3.0.0.beta4)
    ffaker (0.4.0)
    ffi (0.6.3)
      rake (>= 0.8.7)
    growl (1.0.3)
    haml (3.0.18)
    heroku (1.9.14)
      json_pure (>= 1.2.0, < 1.5.0)
      launchy (~> 0.3.2)
      rest-client (~> 1.4.0)
    heroku_tasks (0.1.4)
    hoptoad_notifier (2.3.6)
      activesupport
    http_connection (1.3.0)
    i18n (0.4.1)
    json_pure (1.4.6)
    launchy (0.3.7)
      configuration (>= 0.0.5)
      rake (>= 0.8.1)
    libnotify (0.2.0)
      ffi (>= 0.6.2)
    libxml-ruby (1.1.4)
    mail (2.2.5)
      activesupport (>= 2.3.6)
      mime-types
      treetop (>= 1.4.5)
    memcached (0.20.1)
    mime-types (1.16)
    mongo (1.0.7)
      bson (>= 1.0.4)
    mongoid (2.0.0.beta.17)
      activemodel (~> 3.0.0)
      bson (= 1.0.4)
      mongo (= 1.0.7)
      tzinfo (~> 0.3.22)
      will_paginate (~> 3.0.pre)
    nokogiri (1.4.3.1)
    pg (0.9.0)
    polyglot (0.3.1)
    rack (1.2.1)
    rack-mount (0.6.13)
      rack (>= 1.0.0)
    rack-test (0.5.4)
      rack (>= 1.0)
    rails (3.0.0)
      actionmailer (= 3.0.0)
      actionpack (= 3.0.0)
      activerecord (= 3.0.0)
      activeresource (= 3.0.0)
      activesupport (= 3.0.0)
      bundler (~> 1.0.0)
      railties (= 3.0.0)
    railties (3.0.0)
      actionpack (= 3.0.0)
      activesupport (= 3.0.0)
      rake (>= 0.8.4)
      thor (~> 0.14.0)
    rake (0.8.7)
    rb-inotify (0.8.1)
      ffi (>= 0.5.0)
    request-log-analyzer (1.8.1)
    rest-client (1.4.2)
      mime-types (>= 1.16)
    rspactor (0.7.0.beta.6)
      bundler (>= 1.0.0.rc.5)
      growl (>= 1.0.3)
      libnotify (>= 0.1.3)
      rb-inotify
      sys-uname (>= 0.8.4)
      trollop (>= 1.16.2)
    rspec (2.0.0.beta.20)
      rspec-core (= 2.0.0.beta.20)
      rspec-expectations (= 2.0.0.beta.20)
      rspec-mocks (= 2.0.0.beta.20)
    rspec-core (2.0.0.beta.20)
    rspec-expectations (2.0.0.beta.20)
      diff-lcs (>= 1.1.2)
    rspec-mocks (2.0.0.beta.20)
    rspec-rails (2.0.0.beta.20)
      rspec (= 2.0.0.beta.20)
    ruby-graphviz (0.9.17)
    rubyzip (0.9.4)
    selenium-webdriver (0.0.28)
      ffi (>= 0.6.1)
      json_pure
      rubyzip
    sequel (3.13.0)
    shoulda (2.11.3)
    sinatra (1.0)
      rack (>= 1.0)
    spork (0.8.4)
    sqlite3-ruby (1.3.1)
    state_machine (0.9.4)
    steak (0.4.0.beta.1)
      rspec (>= 2.0.0.beta.9)
    sys-uname (0.8.4)
    taps (0.3.11)
      json_pure (>= 1.2.0, < 1.5.0)
      rack (>= 1.0.1)
      rest-client (~> 1.4.0)
      sequel (~> 3.13.0)
      sinatra (~> 1.0.0)
      sqlite3-ruby (~> 1.2)
    thor (0.14.0)
    treetop (1.4.8)
      polyglot (>= 0.3.1)
    trollop (1.16.2)
    tzinfo (0.3.23)
    uniquify (0.1.0)
    uuidtools (2.1.1)
    vcr (1.1.1)
    warden (0.10.7)
      rack (>= 1.0.0)
    webmock (1.3.4)
      addressable (>= 2.1.1)
      crack (>= 0.1.7)
    will_paginate (3.0.pre2)
    wirble (0.1.3)
    xml-simple (1.0.12)
    yui-compressor (0.9.1)
    zip (2.0.2)

PLATFORMS
  ruby

DEPENDENCIES
  RedCloth (~> 4.2.3)
  activemerchant (~> 1.7.1)
  annotate
  aws (~> 2.3.20)
  bson_ext (= 1.0.4)
  capybara
  carrierwave (~> 0.5.0.beta2)
  dalli (~> 0.9.2)
  delayed_job!
  devise (~> 1.1.2)
  devise_invitable!
  factory_girl_rails
  ffaker (>= 0.4.0)
  haml (~> 3.0.18)
  has_scope!
  heroku
  heroku_tasks (~> 0.1.4)
  hoptoad_notifier (~> 2.3.4)
  i18n (~> 0.4.1)
  jammit!
  launchy
  libxml-ruby (~> 1.1.3)
  memcached (~> 0.20.1)
  meta_where!
  mongo (= 1.0.7)
  mongoid (~> 2.0.0.beta.17)
  pg (~> 0.9.0)
  rack-ssl-enforcer!
  rack-staging!
  rails (~> 3.0.0)
  request-log-analyzer (~> 1.8.0)
  responders!
  rspactor (~> 0.7.beta.6)
  rspec-rails (~> 2.0.0.beta.20)
  ruby-graphviz
  shoulda (~> 2.11.3)
  spork
  sqlite3-ruby
  state_machine (~> 0.9.4)
  steak (~> 0.4.0.beta.1)
  taps
  uniquify (~> 0.1.0)
  vcr (~> 1.1.1)
  voxel_hapi!
  webmock
  will_paginate (~> 3.0.pre2)
  wirble
  zip (~> 2.0.2)
