GIT
  remote: git://github.com/Jilion/useragent.git
  revision: 1e1a8f7fb0c8956f5a453afe764df48632002c11
  specs:
    useragent (0.2.3)

GIT
  remote: git://github.com/blatyo/page_rankr.git
  revision: 68b2ddeb0cbcdeae6e0485f0086a9bfc5cdc0ac5
  specs:
    PageRankr (2.0.1)
      json (>= 1.4.6)
      nokogiri (>= 1.4.1)
      public_suffix_service (~> 0.9.0)
      typhoeus (~> 0.2.1)

GIT
  remote: git://github.com/ernie/squeel.git
  revision: 3b120a30d9ab39e50507742b3467dfa9a0b24c64
  specs:
    squeel (0.8.7)
      activerecord (~> 3.0)
      activesupport (~> 3.0)

GIT
  remote: git://github.com/guard/guard.git
  revision: 52cf5702459c01752dc81aa4b0f3884eb2485e10
  specs:
    guard (0.6.0)
      thor (~> 0.14.6)

GIT
  remote: git://github.com/plataformatec/devise.git
  revision: fb1220af97d67d3d5a11f5e4e5d67428873a346f
  specs:
    devise (1.4.2)
      bcrypt-ruby (~> 2.1.2)
      orm_adapter (~> 0.0.3)
      warden (~> 1.0.3)

GIT
  remote: git://github.com/rails/coffee-rails.git
  revision: 90a5f104eb05384c8bf09e4d848b8d02f0c83055
  branch: 3-1-stable
  specs:
    coffee-rails (3.1.0.rc.5)
      coffee-script (>= 2.2.0)
      railties (~> 3.1.0.rc1)

GIT
  remote: git://github.com/rails/rails.git
  revision: 0e19c7c414bbd57e514b32bc7c536dacc87f42d0
  branch: 3-1-stable
  specs:
    actionmailer (3.1.0.rc5)
      actionpack (= 3.1.0.rc5)
      mail (~> 2.3.0)
    actionpack (3.1.0.rc5)
      activemodel (= 3.1.0.rc5)
      activesupport (= 3.1.0.rc5)
      builder (~> 3.0.0)
      erubis (~> 2.7.0)
      i18n (~> 0.6)
      rack (~> 1.3.2)
      rack-cache (~> 1.0.2)
      rack-mount (~> 0.8.1)
      rack-test (~> 0.6.0)
      sprockets (~> 2.0.0.beta.12)
    activemodel (3.1.0.rc5)
      activesupport (= 3.1.0.rc5)
      bcrypt-ruby (~> 2.1.4)
      builder (~> 3.0.0)
      i18n (~> 0.6)
    activerecord (3.1.0.rc5)
      activemodel (= 3.1.0.rc5)
      activesupport (= 3.1.0.rc5)
      arel (~> 2.2.0)
      tzinfo (~> 0.3.29)
    activeresource (3.1.0.rc5)
      activemodel (= 3.1.0.rc5)
      activesupport (= 3.1.0.rc5)
    activesupport (3.1.0.rc5)
      multi_json (~> 1.0)
    rails (3.1.0.rc5)
      actionmailer (= 3.1.0.rc5)
      actionpack (= 3.1.0.rc5)
      activerecord (= 3.1.0.rc5)
      activeresource (= 3.1.0.rc5)
      activesupport (= 3.1.0.rc5)
      bundler (~> 1.0)
      railties (= 3.1.0.rc5)
    railties (3.1.0.rc5)
      actionpack (= 3.1.0.rc5)
      activesupport (= 3.1.0.rc5)
      rack-ssl (~> 1.3.2)
      rake (>= 0.8.7)
      rdoc (~> 3.4)
      thor (~> 0.14.6)

GIT
  remote: git://github.com/rails/sass-rails.git
  revision: 890273d7eebd2a1c6b285327ca0bee6239b17e2e
  branch: 3-1-stable
  specs:
    sass-rails (3.1.0.rc.5)
      actionpack (~> 3.1.0.rc1)
      railties (~> 3.1.0.rc1)
      sass (>= 3.1.4)
      sprockets (>= 2.0.0.beta.9)

GIT
  remote: git://github.com/rymai/active_merchant.git
  revision: 6c4b7477fa3d2ca90311620407273d5d9bc915e0
  branch: 3ds_from_ZenCocoon
  specs:
    activemerchant (1.16.0)
      activesupport (>= 2.3.11)
      braintree (>= 2.0.0)
      builder (>= 2.0.0)

GIT
  remote: git://github.com/rymai/prototype-rails.git
  revision: f5bb981b528d05fb6599c09786a7e473e581c08b
  specs:
    prototype-rails (0.3.1)
      rails (~> 3.1.0.beta1)

GIT
  remote: git://github.com/thibaudgg/voxel_hapi.git
  revision: 590c89b458e21be52825ea9f7532182c68310715
  branch: 1.9.2
  specs:
    voxel_hapi (1.1.1)
      libxml-ruby (~> 2.2.0)
      rescue_me (~> 0.1.0)
      xml-simple (~> 1.0.12)

GIT
  remote: git://github.com/thoughtbot/shoulda-matchers.git
  revision: f1baf025d64389d4d1e90262d415c9ad55c5ba1a
  specs:
    shoulda-matchers (1.0.0.beta3)

GEM
  remote: http://rubygems.org/
  specs:
    POpen4 (0.1.4)
      Platform (>= 0.4.0)
      open4
    Platform (0.4.0)
    RedCloth (4.2.7)
    acts_as_api (0.3.8)
      activemodel (>= 3.0.0)
      activesupport (>= 3.0.0)
      rack (>= 1.1.0)
    addressable (2.2.6)
    annotate (2.4.0)
    archive-tar-minitar (0.5.2)
    arel (2.2.0)
    array_stats (0.6.0)
    aws (2.5.6)
      http_connection
      uuidtools
      xml-simple
    bcrypt-ruby (2.1.4)
    braintree (2.10.2)
      builder (>= 2.0.0)
    bson (1.3.1)
    bson_ext (1.3.1)
    builder (3.0.0)
    capybara (1.0.1)
      mime-types (>= 1.16)
      nokogiri (>= 1.3.3)
      rack (>= 1.0.0)
      rack-test (>= 0.5.4)
      selenium-webdriver (~> 2.0)
      xpath (~> 0.1.4)
    carrierwave (0.5.7)
      activesupport (~> 3.0)
    carrierwave-mongoid (0.1.1)
      carrierwave (>= 0.5.6)
      mongoid (~> 2.1)
    childprocess (0.2.1)
      ffi (~> 1.0.6)
    coffee-script (2.2.0)
      coffee-script-source
      execjs
    coffee-script-source (1.1.2)
    columnize (0.3.4)
    configuration (1.3.1)
    countries (0.5.3)
      currencies (= 0.4.0)
      currencies (>= 0.2.0)
    crack (0.1.8)
    createsend (0.3.2)
      hashie (~> 1.0)
      httparty (~> 0.7)
      json
    currencies (0.4.0)
    daemon_controller (0.2.6)
    daemons (1.1.4)
    dalli (1.0.5)
    database_cleaner (0.6.7)
    delayed_job (2.1.4)
      activesupport (~> 3.0)
      daemons
    devise_invitable (0.5.4)
      devise (~> 1.4.1)
      rails (< 3.2, >= 3.0.0)
    diff-lcs (1.1.2)
    em-websocket (0.3.1)
      addressable (>= 2.1.1)
      eventmachine (>= 0.12.9)
    erubis (2.7.0)
    eventmachine (0.12.10)
    excon (0.6.5)
    execjs (1.2.4)
      multi_json (~> 1.0)
    factory_girl (2.0.4)
    factory_girl_rails (1.1.0)
      factory_girl (~> 2.0.0)
      railties (>= 3.0.0)
    faraday (0.7.4)
      addressable (~> 2.2.6)
      multipart-post (~> 1.1.0)
      rack (< 2, >= 1.1.0)
    faraday_middleware (0.7.0)
      faraday (~> 0.7.3)
    fastthread (1.0.7)
    ffaker (1.8.0)
    ffi (1.0.9)
    fog (0.10.0)
      builder
      excon (~> 0.6.5)
      formatador (~> 0.2.0)
      mime-types
      multi_json (~> 1.0.3)
      net-scp (~> 1.0.4)
      net-ssh (~> 2.1.4)
      nokogiri (~> 1.5.0)
      ruby-hmac
    formatador (0.2.0)
    growl_notify (0.0.1)
      rb-appscript
    guard-bundler (0.1.3)
      bundler (>= 1.0.0)
      guard (>= 0.2.2)
    guard-livereload (0.3.0)
      em-websocket (>= 0.2.0)
      guard (>= 0.4.0)
      multi_json (~> 1.0.3)
    guard-pow (0.1.0)
      guard (>= 0.3.0)
    guard-rspec (0.4.2)
      guard (>= 0.4.0)
    guard-spork (0.2.1)
      guard (>= 0.2.2)
      spork (>= 0.8.4)
    haml (3.1.2)
    has_scope (0.5.1)
    hashie (1.1.0)
    heroku (2.4.1)
      launchy (>= 0.3.2)
      rest-client (~> 1.6.1)
      term-ansicolor (~> 1.0.5)
    hike (1.2.0)
    hoptoad_notifier (2.4.11)
      activesupport
      builder
    http_connection (1.4.1)
    httparty (0.7.8)
      crack (= 0.1.8)
    i18n (0.6.0)
    jammit (0.6.3)
      yui-compressor (>= 0.9.3)
    json (1.5.3)
    json_pure (1.5.3)
    kaminari (0.12.4)
      rails (>= 3.0.0)
    launchy (2.0.5)
      addressable (~> 2.2.6)
    libxml-ruby (2.2.1)
    linecache19 (0.5.12)
      ruby_core_source (>= 0.1.4)
    liquid (2.2.2)
    mail (2.3.0)
      i18n (>= 0.4.0)
      mime-types (~> 1.16)
      treetop (~> 1.4.8)
    mime-types (1.16)
    mongo (1.3.1)
      bson (>= 1.3.1)
    mongoid (2.1.7)
      activemodel (~> 3.0)
      mongo (~> 1.3)
      tzinfo (~> 0.3.22)
    multi_json (1.0.3)
    multi_xml (0.2.2)
    multipart-post (1.1.3)
    net-scp (1.0.4)
      net-ssh (>= 1.99.1)
    net-ssh (2.1.4)
    nokogiri (1.5.0)
    oauth (0.4.5)
    oauth-plugin (0.4.0.pre7)
      multi_json
      oauth (~> 0.4.4)
      oauth2
      rack
    oauth2 (0.5.0)
      faraday (< 0.8, >= 0.6.1)
      multi_json (~> 1.0.0)
    open4 (1.1.0)
    orm_adapter (0.0.5)
    paper_trail (2.2.9)
      rails (~> 3)
    passenger (3.0.8)
      daemon_controller (>= 0.2.5)
      fastthread (>= 1.0.1)
      rack
      rake (>= 0.8.1)
    pg (0.11.0)
    polyglot (0.3.2)
    prowl (0.1.3)
    public_suffix_service (0.9.0)
    rack (1.3.2)
    rack-cache (1.0.2)
      rack (>= 0.4)
    rack-google-analytics (0.9.2)
    rack-mount (0.8.2)
      rack (>= 1.0.0)
    rack-private (0.1.8)
    rack-ssl (1.3.2)
      rack
    rack-ssl-enforcer (0.2.3)
    rack-test (0.6.1)
      rack (>= 1.0)
    rake (0.8.7)
    rb-appscript (0.6.1)
    rb-fsevent (0.4.3)
    rdoc (3.9.2)
    request-log-analyzer (1.11.0)
    rescue_me (0.1.0)
    responders (0.6.4)
    rest-client (1.6.3)
      mime-types (>= 1.16)
    rspec (2.6.0)
      rspec-core (~> 2.6.0)
      rspec-expectations (~> 2.6.0)
      rspec-mocks (~> 2.6.0)
    rspec-core (2.6.4)
    rspec-expectations (2.6.0)
      diff-lcs (~> 1.1.2)
    rspec-instafail (0.1.8)
    rspec-mocks (2.6.0)
    rspec-rails (2.6.1)
      actionpack (~> 3.0)
      activesupport (~> 3.0)
      railties (~> 3.0)
      rspec (~> 2.6.0)
    ruby-debug-base19 (0.11.25)
      columnize (>= 0.3.1)
      linecache19 (>= 0.5.11)
      ruby_core_source (>= 0.1.4)
    ruby-debug19 (0.11.6)
      columnize (>= 0.3.1)
      linecache19 (>= 0.5.11)
      ruby-debug-base19 (>= 0.11.19)
    ruby-graphviz (1.0.0)
    ruby-hmac (0.4.0)
    ruby_core_source (0.1.5)
      archive-tar-minitar (>= 0.5.2)
    rubyzip (0.9.4)
    sass (3.1.7)
    selenium-webdriver (2.4.0)
      childprocess (>= 0.2.1)
      ffi (>= 1.0.7)
      json_pure
      rubyzip
    sequel (3.20.0)
    settingslogic (2.0.6)
    silent-postgres (0.0.8)
    simple_oauth (0.1.5)
    sinatra (1.0)
      rack (>= 1.0)
    spork (0.9.0.rc9)
    sprockets (2.0.0.beta.13)
      hike (~> 1.2)
      rack (~> 1.0)
      tilt (!= 1.3.0, ~> 1.1)
    sqlite3 (1.3.4)
    sqlite3-ruby (1.3.3)
      sqlite3 (>= 1.3.3)
    state_machine (1.0.2)
    taps (0.3.23)
      rack (>= 1.0.1)
      rest-client (< 1.7.0, >= 1.4.0)
      sequel (~> 3.20.0)
      sinatra (~> 1.0.0)
      sqlite3-ruby (~> 1.2)
    term-ansicolor (1.0.6)
    thor (0.14.6)
    tilt (1.3.2)
    timecop (0.3.5)
    treetop (1.4.10)
      polyglot
      polyglot (>= 0.3.1)
    twitter (1.6.2)
      faraday (~> 0.7.4)
      faraday_middleware (~> 0.7.0)
      hashie (~> 1.1.0)
      multi_json (~> 1.0.0)
      multi_xml (~> 0.2.0)
      simple_oauth (~> 0.1.5)
    typhoeus (0.2.4)
      mime-types
      mime-types
    tzinfo (0.3.29)
    uglifier (1.0.0)
      execjs (>= 0.3.0)
      multi_json (>= 1.0.2)
    uniquify (0.1.0)
    uuidtools (2.1.2)
    vcr (1.10.3)
    warden (1.0.5)
      rack (>= 1.0)
    webmock (1.6.4)
      addressable (> 2.2.5, ~> 2.2)
      crack (>= 0.1.7)
    wirble (0.1.3)
    xml-simple (1.0.16)
    xpath (0.1.4)
      nokogiri (~> 1.3)
    yui-compressor (0.9.6)
      POpen4 (>= 0.1.4)
    zip (2.0.2)

PLATFORMS
  ruby

DEPENDENCIES
  PageRankr!
  RedCloth (~> 4.2.7)
  activemerchant!
  acts_as_api (~> 0.3.8)
  addressable (~> 2.2.6)
  annotate
  array_stats (~> 0.6.0)
  aws (~> 2.5.6)
  bson_ext (~> 1.3.1)
  capybara
  carrierwave (~> 0.5.7)
  carrierwave-mongoid (~> 0.1.1)
  coffee-rails!
  configuration (~> 1.3.1)
  countries (~> 0.5.3)
  createsend (~> 0.3.2)
  dalli (~> 1.0.5)
  database_cleaner
  delayed_job (~> 2.1.4)
  devise!
  devise_invitable (~> 0.5.4)
  factory_girl_rails
  ffaker
  fog (~> 0.10.0)
  growl_notify
  guard!
  guard-bundler
  guard-livereload
  guard-pow
  guard-rspec
  guard-spork
  haml (~> 3.1.2)
  has_scope (~> 0.5.1)
  heroku
  hoptoad_notifier (~> 2.4.11)
  jammit (~> 0.6.3)
  kaminari (~> 0.12.4)
  libxml-ruby (~> 2.2.0)
  liquid (~> 2.2.2)
  mongo (~> 1.3.1)
  mongoid (~> 2.1.7)
  oauth (~> 0.4.5)
  oauth-plugin (~> 0.4.0.pre7)
  paper_trail (~> 2.2.9)
  passenger
  pg (~> 0.11.0)
  prototype-rails!
  prowl (~> 0.1.3)
  public_suffix_service (~> 0.9.0)
  rack-google-analytics (~> 0.9.2)
  rack-private
  rack-ssl-enforcer (~> 0.2.3)
  rails!
  rake (~> 0.8.7)
  rb-fsevent
  request-log-analyzer (~> 1.11.0)
  rescue_me (~> 0.1.0)
  responders (~> 0.6.4)
  rspec-instafail
  rspec-rails (~> 2.6.1)
  ruby-debug19
  ruby-graphviz
  sass-rails!
  settingslogic (~> 2.0.6)
  shoulda-matchers!
  silent-postgres
  spork (~> 0.9.0.rc9)
  squeel!
  state_machine (~> 1.0.2)
  taps
  timecop
  twitter (~> 1.6.2)
  uglifier
  uniquify (~> 0.1.0)
  useragent!
  vcr
  voxel_hapi!
  webmock
  wirble
  zip (~> 2.0.2)
