GIT
  remote: git://github.com/Jilion/useragent.git
  revision: ffe2c71e336be8acf5b133e14dbcfad4b79bbcd8
  specs:
    useragent (0.2.3)

GIT
  remote: git://github.com/guard/guard.git
  revision: 8f7034b8a0286ad88bf843d4422e3a572f3ffbf7
  specs:
    guard (0.4.2)
      thor (~> 0.14.6)

GIT
  remote: git://github.com/rymai/active_merchant.git
  revision: 2f35b9f1c685b25d3f06f092684c2c7b581d4a9d
  branch: 3ds_from_ZenCocoon
  specs:
    activemerchant (1.12.0)
      activesupport (>= 2.3.8)
      braintree (>= 2.0.0)
      builder (>= 2.0.0)

GIT
  remote: git://github.com/rymai/createsend-ruby.git
  revision: 02a93852d054ad27480a0f4d9ef6c439d4293fe5
  specs:
    createsend (0.2.1)
      hashie (~> 1.0)
      httparty (~> 0.7)
      json

GIT
  remote: git://github.com/rymai/has_scope.git
  revision: 905797803aa5d3da24505d4b9b07c647cbdd8e6d
  specs:
    has_scope (0.5.0)

GIT
  remote: git://github.com/scambra/devise_invitable.git
  revision: a744c6fd2ac5b85f73a422eb6130c098f23c8207
  specs:
    devise_invitable (0.5.0)
      devise (~> 1.3.1)
      rails (>= 3.0.0, <= 3.2)

GIT
  remote: git://github.com/thibaudgg/voxel_hapi.git
  revision: 63cfc384020f4286904f91ea18a9fc4faf0aa562
  branch: 1.9.2
  specs:
    voxel_hapi (1.1.1)
      bundler (~> 1.0.0)
      libxml-ruby (~> 1.1.3)
      rescue_me (~> 0.1.0)
      xml-simple (~> 1.0.12)

GEM
  remote: http://rubygems.org/
  specs:
    POpen4 (0.1.4)
      Platform (>= 0.4.0)
      open4
    PageRankr (1.6.0)
      json (>= 1.4.6)
      nokogiri (>= 1.4.1)
    Platform (0.4.0)
    RedCloth (4.2.7)
    abstract (1.0.0)
    actionmailer (3.0.9.rc5)
      actionpack (= 3.0.9.rc5)
      mail (~> 2.2.19)
    actionpack (3.0.9.rc5)
      activemodel (= 3.0.9.rc5)
      activesupport (= 3.0.9.rc5)
      builder (~> 2.1.2)
      erubis (~> 2.6.6)
      i18n (~> 0.5.0)
      rack (~> 1.2.1)
      rack-mount (~> 0.6.14)
      rack-test (~> 0.5.7)
      tzinfo (~> 0.3.23)
    activemodel (3.0.9.rc5)
      activesupport (= 3.0.9.rc5)
      builder (~> 2.1.2)
      i18n (~> 0.5.0)
    activerecord (3.0.9.rc5)
      activemodel (= 3.0.9.rc5)
      activesupport (= 3.0.9.rc5)
      arel (~> 2.0.10)
      tzinfo (~> 0.3.23)
    activeresource (3.0.9.rc5)
      activemodel (= 3.0.9.rc5)
      activesupport (= 3.0.9.rc5)
    activesupport (3.0.9.rc5)
    addressable (2.2.6)
    annotate (2.4.0)
    arel (2.0.10)
    array_stats (0.6.0)
    aws (2.3.34)
      activesupport
      http_connection
      uuidtools
      xml-simple
    bcrypt-ruby (2.1.4)
    braintree (2.10.1)
      builder (>= 2.0.0)
    bson (1.3.1)
    bson_ext (1.3.1)
    builder (2.1.2)
    capybara (1.0.0.rc1)
      mime-types (>= 1.16)
      nokogiri (>= 1.3.3)
      rack (>= 1.0.0)
      rack-test (>= 0.5.4)
      selenium-webdriver (~> 0.2.0)
      xpath (~> 0.1.4)
    carrierwave (0.5.4)
      activesupport (~> 3.0)
    childprocess (0.1.9)
      ffi (~> 1.0.6)
    configuration (1.2.0)
    countries (0.3.0)
      currencies (>= 0.2.0)
    crack (0.1.8)
    currencies (0.4.0)
    daemon_controller (0.2.6)
    daemons (1.1.3)
    dalli (1.0.5)
    database_cleaner (0.6.7)
    delayed_job (2.1.4)
      activesupport (~> 3.0)
      daemons
    devise (1.3.4)
      bcrypt-ruby (~> 2.1.2)
      orm_adapter (~> 0.0.3)
      warden (~> 1.0.3)
    diff-lcs (1.1.2)
    em-websocket (0.2.1)
      addressable (>= 2.1.1)
      eventmachine (>= 0.12.9)
    erubis (2.6.6)
      abstract (>= 1.0.0)
    eventmachine (0.12.10)
    excon (0.6.3)
    factory_girl (1.3.3)
    factory_girl_rails (1.0.1)
      factory_girl (~> 1.3)
      railties (>= 3.0.0)
    faraday (0.6.1)
      addressable (~> 2.2.4)
      multipart-post (~> 1.1.0)
      rack (< 2, >= 1.1.0)
    faraday_middleware (0.6.3)
      faraday (~> 0.6.0)
    fastthread (1.0.7)
    ffaker (1.8.0)
    ffi (1.0.9)
    fog (0.8.2)
      builder
      excon (~> 0.6.1)
      formatador (>= 0.1.3)
      json
      mime-types
      net-ssh (>= 2.1.3)
      nokogiri (>= 1.4.4)
      ruby-hmac
    formatador (0.1.4)
    growl (1.0.3)
    guard-bundler (0.1.3)
      bundler (>= 1.0.0)
      guard (>= 0.2.2)
    guard-livereload (0.1.11)
      em-websocket (~> 0.2.0)
      guard (>= 0.2.2)
      json (~> 1.5.1)
    guard-passenger (0.3.0)
      guard (~> 0.3)
    guard-pow (0.1.0)
      guard (>= 0.3.0)
    guard-rspec (0.4.0)
      guard (>= 0.4.0)
    guard-spork (0.2.0)
      guard (>= 0.2.2)
      spork (>= 0.8.4)
    haml (3.1.2)
    hashie (1.0.0)
    heroku (2.2.8)
      launchy (>= 0.3.2)
      rest-client (~> 1.6.1)
      term-ansicolor (~> 1.0.5)
    hoptoad_notifier (2.4.11)
      activesupport
      builder
    http_connection (1.4.1)
    httparty (0.7.8)
      crack (= 0.1.8)
    i18n (0.5.0)
    jammit (0.6.3)
      yui-compressor (>= 0.9.3)
    json (1.5.1)
    json_pure (1.5.1)
    kaminari (0.12.4)
      rails (>= 3.0.0)
    launchy (0.4.0)
      configuration (>= 0.0.5)
      rake (>= 0.8.1)
    libxml-ruby (1.1.3)
    liquid (2.2.2)
    mail (2.2.19)
      activesupport (>= 2.3.6)
      i18n (>= 0.4.0)
      mime-types (~> 1.16)
      treetop (~> 1.4.8)
    meta_where (1.0.4)
      activerecord (~> 3.0.0)
      activesupport (~> 3.0.0)
      arel (~> 2.0.7)
    mime-types (1.16)
    mongo (1.3.1)
      bson (>= 1.3.1)
    mongoid (2.0.2)
      activemodel (~> 3.0)
      mongo (~> 1.3)
      tzinfo (~> 0.3.22)
    multi_json (0.0.5)
    multi_xml (0.2.2)
    multipart-post (1.1.2)
    net-ssh (2.1.4)
    nokogiri (1.4.4)
    open4 (1.0.1)
    orm_adapter (0.0.5)
    paper_trail (2.2.2)
      rails (~> 3)
    passenger (3.0.7)
      daemon_controller (>= 0.2.5)
      fastthread (>= 1.0.1)
      rack
      rake (>= 0.8.1)
    pg (0.11.0)
    polyglot (0.3.1)
    prowl (0.1.3)
    public_suffix_service (0.8.1)
    rack (1.2.3)
    rack-google-analytics (0.9.2)
    rack-mount (0.6.14)
      rack (>= 1.0.0)
    rack-private (0.1.8)
    rack-ssl-enforcer (0.2.2)
    rack-test (0.5.7)
      rack (>= 1.0)
    rails (3.0.9.rc5)
      actionmailer (= 3.0.9.rc5)
      actionpack (= 3.0.9.rc5)
      activerecord (= 3.0.9.rc5)
      activeresource (= 3.0.9.rc5)
      activesupport (= 3.0.9.rc5)
      bundler (~> 1.0)
      railties (= 3.0.9.rc5)
    railties (3.0.9.rc5)
      actionpack (= 3.0.9.rc5)
      activesupport (= 3.0.9.rc5)
      rake (>= 0.8.7)
      rdoc (~> 3.4)
      thor (~> 0.14.4)
    rake (0.8.7)
    rash (0.3.0)
      hashie (~> 1.0.0)
    rb-fsevent (0.4.0)
    rdoc (3.6.1)
    request-log-analyzer (1.11.0)
    rescue_me (0.1.0)
    responders (0.6.2)
    rest-client (1.6.3)
      mime-types (>= 1.16)
    rspec (2.6.0)
      rspec-core (~> 2.6.0)
      rspec-expectations (~> 2.6.0)
      rspec-mocks (~> 2.6.0)
    rspec-core (2.6.4)
    rspec-expectations (2.6.0)
      diff-lcs (~> 1.1.2)
    rspec-instafail (0.1.8)
    rspec-mocks (2.6.0)
    rspec-rails (2.6.1)
      actionpack (~> 3.0)
      activesupport (~> 3.0)
      railties (~> 3.0)
      rspec (~> 2.6.0)
    ruby-graphviz (1.0.0)
    ruby-hmac (0.4.0)
    rubyzip (0.9.4)
    selenium-webdriver (0.2.1)
      childprocess (>= 0.1.7)
      ffi (>= 1.0.7)
      json_pure
      rubyzip
    sequel (3.20.0)
    settingslogic (2.0.6)
    shoulda (2.11.3)
    silent-postgres (0.0.8)
    simple_oauth (0.1.5)
    sinatra (1.0)
      rack (>= 1.0)
    spork (0.9.0.rc8)
    sqlite3 (1.3.3)
    sqlite3-ruby (1.3.3)
      sqlite3 (>= 1.3.3)
    state_machine (0.10.4)
    taps (0.3.23)
      rack (>= 1.0.1)
      rest-client (< 1.7.0, >= 1.4.0)
      sequel (~> 3.20.0)
      sinatra (~> 1.0.0)
      sqlite3-ruby (~> 1.2)
    term-ansicolor (1.0.5)
    thor (0.14.6)
    timecop (0.3.5)
    treetop (1.4.9)
      polyglot (>= 0.3.1)
    twitter (1.3.0)
      faraday (~> 0.6.0)
      faraday_middleware (~> 0.6.3)
      hashie (~> 1.0.0)
      multi_json (~> 0.0.5)
      multi_xml (~> 0.2.0)
      rash (~> 0.3.0)
      simple_oauth (~> 0.1.4)
    tzinfo (0.3.28)
    uniquify (0.1.0)
    uuidtools (2.1.2)
    vcr (1.10.0)
    warden (1.0.4)
      rack (>= 1.0)
    webmock (1.6.4)
      addressable (> 2.2.5, ~> 2.2)
      crack (>= 0.1.7)
    wirble (0.1.3)
    xml-simple (1.0.16)
    xpath (0.1.4)
      nokogiri (~> 1.3)
    yui-compressor (0.9.6)
      POpen4 (>= 0.1.4)
    zip (2.0.2)

PLATFORMS
  ruby

DEPENDENCIES
  PageRankr (= 1.6.0)
  RedCloth (= 4.2.7)
  activemerchant!
  annotate
  array_stats (= 0.6.0)
  aws (= 2.3.34)
  bson_ext (= 1.3.1)
  bundler (= 1.0.15)
  capybara (= 1.0.0.rc1)
  carrierwave (= 0.5.4)
  configuration (= 1.2.0)
  countries (= 0.3.0)
  createsend!
  dalli (= 1.0.5)
  database_cleaner
  delayed_job (= 2.1.4)
  devise (= 1.3.4)
  devise_invitable!
  factory_girl_rails
  ffaker
  fog (= 0.8.2)
  growl
  guard!
  guard-bundler
  guard-livereload
  guard-passenger
  guard-pow
  guard-rspec
  guard-spork
  haml (= 3.1.2)
  has_scope!
  heroku
  hoptoad_notifier (= 2.4.11)
  jammit (= 0.6.3)
  kaminari (= 0.12.4)
  libxml-ruby (= 1.1.3)
  liquid (= 2.2.2)
  meta_where (= 1.0.4)
  mongo (= 1.3.1)
  mongoid (= 2.0.2)
  paper_trail (= 2.2.2)
  passenger
  pg (= 0.11.0)
  prowl (= 0.1.3)
  public_suffix_service (= 0.8.1)
  rack-google-analytics (= 0.9.2)
  rack-private
  rack-ssl-enforcer (= 0.2.2)
  rails (= 3.0.9.rc5)
  rake (= 0.8.7)
  rb-fsevent
  request-log-analyzer (= 1.11.0)
  rescue_me (= 0.1.0)
  responders (= 0.6.2)
  rspec-instafail
  rspec-rails (~> 2.6.0)
  ruby-graphviz
  settingslogic (= 2.0.6)
  shoulda
  silent-postgres
  spork (= 0.9.0.rc8)
  state_machine (= 0.10.4)
  taps
  timecop
  twitter (= 1.3.0)
  uniquify (= 0.1.0)
  useragent!
  vcr
  voxel_hapi!
  webmock
  wirble
  zip (= 2.0.2)
