GIT
  remote: git://github.com/Jilion/useragent.git
  revision: ea4286035a4fe2dbff900975af6654f8b83e1355
  specs:
    useragent (0.2.3)

GIT
  remote: git://github.com/irohiroki/spork.git
  revision: 285a57813f5390fed1b3ab869f36aaae35baef4e
  specs:
    spork (0.9.0.rc4)

GIT
  remote: git://github.com/jnicklas/capybara.git
  revision: a0e5811ad1a5314918098bdd25e45ec5de260eb0
  specs:
    capybara (0.4.1.1)
      mime-types (>= 1.16)
      nokogiri (>= 1.3.3)
      rack (>= 1.0.0)
      rack-test (>= 0.5.4)
      selenium-webdriver (>= 0.0.27)
      xpath (~> 0.1.3)

GIT
  remote: git://github.com/rymai/active_merchant.git
  revision: dd708ec8261d3ffa03e1de8725ee7582563e0c05
  branch: 3ds_from_ZenCocoon
  specs:
    activemerchant (1.12.0)
      activesupport (>= 2.3.8)
      braintree (>= 2.0.0)
      builder (>= 2.0.0)

GIT
  remote: git://github.com/rymai/devise_invitable.git
  revision: 5c15b171742b4e33cbaf6be602b9f030dc37f8a5
  specs:
    devise_invitable (0.6.7)
      devise (~> 1.1.2)
      rails (~> 3.0.0)

GIT
  remote: git://github.com/rymai/has_scope.git
  revision: 905797803aa5d3da24505d4b9b07c647cbdd8e6d
  specs:
    has_scope (0.5.0)

GIT
  remote: git://github.com/thibaudgg/voxel_hapi.git
  revision: f82d1d11506ca4424b872a27cca22d71479a8633
  branch: 1.9.2
  specs:
    voxel_hapi (1.1.1)
      bundler (~> 1.0.0)
      libxml-ruby (~> 1.1.3)
      rescue_me (~> 0.1.0)
      xml-simple (~> 1.0.12)

GEM
  remote: http://rubygems.org/
  specs:
    PageRankr (1.6.0)
      json (>= 1.4.6)
      nokogiri (>= 1.4.1)
    RedCloth (4.2.3)
    abstract (1.0.0)
    actionmailer (3.0.5)
      actionpack (= 3.0.5)
      mail (~> 2.2.15)
    actionpack (3.0.5)
      activemodel (= 3.0.5)
      activesupport (= 3.0.5)
      builder (~> 2.1.2)
      erubis (~> 2.6.6)
      i18n (~> 0.4)
      rack (~> 1.2.1)
      rack-mount (~> 0.6.13)
      rack-test (~> 0.5.7)
      tzinfo (~> 0.3.23)
    activemodel (3.0.5)
      activesupport (= 3.0.5)
      builder (~> 2.1.2)
      i18n (~> 0.4)
    activerecord (3.0.5)
      activemodel (= 3.0.5)
      activesupport (= 3.0.5)
      arel (~> 2.0.2)
      tzinfo (~> 0.3.23)
    activeresource (3.0.5)
      activemodel (= 3.0.5)
      activesupport (= 3.0.5)
    activesupport (3.0.5)
    addressable (2.2.4)
    annotate (2.4.0)
    arel (2.0.9)
    array_stats (0.6.0)
    aws (2.3.34)
      activesupport
      http_connection
      uuidtools
      xml-simple
    bcrypt-ruby (2.1.4)
    braintree (2.8.0)
      builder
    bson (1.2.4)
    bson_ext (1.2.4)
    builder (2.1.2)
    carrierwave (0.5.2)
      activesupport (~> 3.0)
    childprocess (0.1.7)
      ffi (~> 0.6.3)
    closure-compiler (1.0.0)
    configuration (1.2.0)
    countries (0.3.0)
      currencies (>= 0.2.0)
    crack (0.1.8)
    createsend (0.2.1)
      hashie (~> 0.4.0)
      httparty (~> 0.6.1)
      json
    currencies (0.4.0)
    daemon_controller (0.2.6)
    daemons (1.1.0)
    dalli (1.0.2)
    database_cleaner (0.6.6)
    delayed_job (2.1.4)
      activesupport (~> 3.0)
      daemons
    devise (1.1.8)
      bcrypt-ruby (~> 2.1.2)
      warden (~> 1.0.2)
    diff-lcs (1.1.2)
    em-dir-watcher (0.9.4)
    em-websocket (0.2.1)
      addressable (>= 2.1.1)
      eventmachine (>= 0.12.9)
    erubis (2.6.6)
      abstract (>= 1.0.0)
    eventmachine (0.12.10)
    excon (0.5.6)
    factory_girl (1.3.3)
    factory_girl_rails (1.0.1)
      factory_girl (~> 1.3)
      railties (>= 3.0.0)
    fastthread (1.0.7)
    ffaker (1.4.0)
    ffi (0.6.3)
      rake (>= 0.8.7)
    file-tail (1.0.5)
      spruz (>= 0.1.0)
    fog (0.6.0)
      builder
      excon (>= 0.5.5)
      formatador (>= 0.0.16)
      json
      mime-types
      net-ssh (>= 2.0.23)
      nokogiri (>= 1.4.4)
      ruby-hmac
    formatador (0.1.1)
    growl (1.0.3)
    guard (0.3.0)
      open_gem (~> 1.4.2)
      thor (~> 0.14.6)
    guard-bundler (0.1.2)
      guard (>= 0.2.2)
    guard-livereload (0.1.9)
      em-websocket (~> 0.2.0)
      guard (>= 0.2.2)
      json (~> 1.4.6)
    guard-passenger (0.3.0)
      guard (~> 0.3)
    guard-rspec (0.2.0)
      guard (>= 0.2.2)
    guard-spork (0.1.5)
      guard (>= 0.2.2)
      spork (>= 0.8.4)
    haml (3.0.24)
    hashie (0.4.0)
    heroku (1.18.3)
      launchy (~> 0.3.2)
      rest-client (< 1.7.0, >= 1.4.0)
    heroku_tasks (0.1.4)
    hoptoad_notifier (2.4.6)
      activesupport
      builder
    http_connection (1.4.0)
    httparty (0.6.1)
      crack (= 0.1.8)
    i18n (0.5.0)
    jammit (0.6.0)
      closure-compiler (>= 0.1.0)
      yui-compressor (>= 0.9.1)
    json (1.4.6)
    json_pure (1.5.1)
    kaminari (0.10.4)
      rails (>= 3.0.0)
    launchy (0.3.7)
      configuration (>= 0.0.5)
      rake (>= 0.8.1)
    libxml-ruby (1.1.3)
    liquid (2.2.2)
    livereload (1.6)
      em-dir-watcher (>= 0.1)
      em-websocket (>= 0.1.2)
      ruby-json (>= 1.1.2)
    mail (2.2.15)
      activesupport (>= 2.3.6)
      i18n (>= 0.4.0)
      mime-types (~> 1.16)
      treetop (~> 1.4.8)
    meta_where (1.0.4)
      activerecord (~> 3.0.0)
      activesupport (~> 3.0.0)
      arel (~> 2.0.7)
    mime-types (1.16)
    mongo (1.2.4)
      bson (>= 1.2.4)
    mongoid (2.0.0.rc.7)
      activemodel (~> 3.0)
      mongo (~> 1.2)
      tzinfo (~> 0.3.22)
      will_paginate (~> 3.0.pre)
    net-ssh (2.1.3)
    nokogiri (1.4.4)
    open_gem (1.4.2)
      launchy (~> 0.3.5)
    paper_trail (2.0.0)
      rails (~> 3)
    passenger (3.0.5)
      daemon_controller (>= 0.2.5)
      fastthread (>= 1.0.1)
      file-tail
      rack
      rake (>= 0.8.1)
    pg (0.10.1)
    polyglot (0.3.1)
    prowl (0.1.3)
    public_suffix_service (0.8.1)
    rack (1.2.2)
    rack-google-analytics (0.9.2)
    rack-mount (0.6.13)
      rack (>= 1.0.0)
    rack-private (0.1.5)
    rack-ssl-enforcer (0.2.1)
    rack-test (0.5.7)
      rack (>= 1.0)
    rails (3.0.5)
      actionmailer (= 3.0.5)
      actionpack (= 3.0.5)
      activerecord (= 3.0.5)
      activeresource (= 3.0.5)
      activesupport (= 3.0.5)
      bundler (~> 1.0)
      railties (= 3.0.5)
    railties (3.0.5)
      actionpack (= 3.0.5)
      activesupport (= 3.0.5)
      rake (>= 0.8.7)
      thor (~> 0.14.4)
    rake (0.8.7)
    rb-fsevent (0.4.0)
    request-log-analyzer (1.9.10)
    rescue_me (0.1.0)
    responders (0.6.2)
    rest-client (1.6.1)
      mime-types (>= 1.16)
    rspec (2.5.0)
      rspec-core (~> 2.5.0)
      rspec-expectations (~> 2.5.0)
      rspec-mocks (~> 2.5.0)
    rspec-core (2.5.1)
    rspec-expectations (2.5.0)
      diff-lcs (~> 1.1.2)
    rspec-instafail (0.1.6)
    rspec-mocks (2.5.0)
    rspec-rails (2.5.0)
      actionpack (~> 3.0)
      activesupport (~> 3.0)
      railties (~> 3.0)
      rspec (~> 2.5.0)
    ruby-graphviz (0.9.20)
    ruby-hmac (0.4.0)
    ruby-json (1.1.2)
    rubyzip (0.9.4)
    selenium-webdriver (0.1.3)
      childprocess (~> 0.1.5)
      ffi (~> 0.6.3)
      json_pure
      rubyzip
    sequel (3.20.0)
    settingslogic (2.0.6)
    shoulda (2.11.3)
    silent-postgres (0.0.7)
    sinatra (1.0)
      rack (>= 1.0)
    spruz (0.2.5)
    sqlite3 (1.3.3)
    sqlite3-ruby (1.3.3)
      sqlite3 (>= 1.3.3)
    state_machine (0.9.4)
    taps (0.3.19)
      rack (>= 1.0.1)
      rest-client (< 1.7.0, >= 1.4.0)
      sequel (~> 3.20.0)
      sinatra (~> 1.0.0)
      sqlite3-ruby (~> 1.2)
    thor (0.14.6)
    timecop (0.3.5)
    treetop (1.4.9)
      polyglot (>= 0.3.1)
    tzinfo (0.3.25)
    uniquify (0.1.0)
    uuidtools (2.1.2)
    vcr (1.7.0)
    warden (1.0.3)
      rack (>= 1.0.0)
    webmock (1.6.2)
      addressable (>= 2.2.2)
      crack (>= 0.1.7)
    will_paginate (3.0.pre2)
    wirble (0.1.3)
    xml-simple (1.0.14)
    xpath (0.1.3)
      nokogiri (~> 1.3)
    yui-compressor (0.9.4)
    zip (2.0.2)

PLATFORMS
  ruby

DEPENDENCIES
  PageRankr (= 1.6.0)
  RedCloth (= 4.2.3)
  activemerchant!
  annotate
  array_stats (= 0.6.0)
  aws (= 2.3.34)
  bson_ext (= 1.2.4)
  bundler (= 1.0.10)
  capybara!
  carrierwave (= 0.5.2)
  configuration (= 1.2.0)
  countries (= 0.3.0)
  createsend (= 0.2.1)
  dalli (= 1.0.2)
  database_cleaner
  delayed_job (= 2.1.4)
  devise (= 1.1.8)
  devise_invitable!
  factory_girl_rails
  ffaker
  fog (= 0.6.0)
  growl
  guard
  guard-bundler
  guard-livereload
  guard-passenger
  guard-rspec
  guard-spork
  haml (= 3.0.24)
  has_scope!
  heroku
  heroku_tasks
  hoptoad_notifier (= 2.4.6)
  jammit (= 0.6.0)
  kaminari (~> 0.10.4)
  libxml-ruby (= 1.1.3)
  liquid (= 2.2.2)
  livereload
  meta_where (= 1.0.4)
  mongo (= 1.2.4)
  mongoid (~> 2.0.0.rc.7)
  paper_trail (= 2.0.0)
  passenger
  pg (= 0.10.1)
  prowl (= 0.1.3)
  public_suffix_service (= 0.8.1)
  rack-google-analytics (= 0.9.2)
  rack-private (= 0.1.5)
  rack-ssl-enforcer (= 0.2.1)
  rails (= 3.0.5)
  rb-fsevent
  request-log-analyzer (= 1.9.10)
  rescue_me (= 0.1.0)
  responders (= 0.6.2)
  rspec-instafail
  rspec-rails
  ruby-graphviz
  settingslogic (= 2.0.6)
  shoulda
  silent-postgres
  spork!
  state_machine (= 0.9.4)
  taps
  timecop
  uniquify (= 0.1.0)
  useragent!
  vcr
  voxel_hapi!
  webmock
  wirble
  zip (= 2.0.2)
