GIT
  remote: git://github.com/rymai/devise_invitable.git
  revision: 8b0cd0caf1e5ee30aab07602ff3b62f9be2cb0a4
  specs:
    devise_invitable (0.6.7)
      devise (~> 1.1.2)
      rails (~> 3.0.0)

GIT
  remote: git://github.com/rymai/has_scope.git
  revision: 905797803aa5d3da24505d4b9b07c647cbdd8e6d
  specs:
    has_scope (0.5.0)

GIT
  remote: git://github.com/thibaudgg/voxel_hapi.git
  revision: f82d1d11506ca4424b872a27cca22d71479a8633
  branch: 1.9.2
  specs:
    voxel_hapi (1.1.1)
      bundler (~> 1.0.0)
      libxml-ruby (~> 1.1.3)
      rescue_me (~> 0.1.0)
      xml-simple (~> 1.0.12)

GEM
  remote: http://rubygems.org/
  specs:
    PageRankr (1.4.3)
      nokogiri (>= 1.4.1)
    RedCloth (4.2.3)
    abstract (1.0.0)
    actionmailer (3.0.1)
      actionpack (= 3.0.1)
      mail (~> 2.2.5)
    actionpack (3.0.1)
      activemodel (= 3.0.1)
      activesupport (= 3.0.1)
      builder (~> 2.1.2)
      erubis (~> 2.6.6)
      i18n (~> 0.4.1)
      rack (~> 1.2.1)
      rack-mount (~> 0.6.12)
      rack-test (~> 0.5.4)
      tzinfo (~> 0.3.23)
    activemerchant (1.9.0)
      activesupport (>= 2.3.2)
      braintree (>= 2.0.0)
      builder (>= 2.0.0)
    activemodel (3.0.1)
      activesupport (= 3.0.1)
      builder (~> 2.1.2)
      i18n (~> 0.4.1)
    activerecord (3.0.1)
      activemodel (= 3.0.1)
      activesupport (= 3.0.1)
      arel (~> 1.0.0)
      tzinfo (~> 0.3.23)
    activeresource (3.0.1)
      activemodel (= 3.0.1)
      activesupport (= 3.0.1)
    activesupport (3.0.1)
    addressable (2.2.2)
    annotate (2.4.0)
    arel (1.0.1)
      activesupport (~> 3.0.0)
    array_stats (0.6.0)
    aws (2.3.25)
      activesupport
      http_connection
      uuidtools
      xml-simple
    bcrypt-ruby (2.1.2)
    braintree (2.6.2)
      builder
    bson (1.1.2)
    bson_ext (1.1.2)
    builder (2.1.2)
    capybara (0.4.0)
      celerity (>= 0.7.9)
      culerity (>= 0.2.4)
      mime-types (>= 1.16)
      nokogiri (>= 1.3.3)
      rack (>= 1.0.0)
      rack-test (>= 0.5.4)
      selenium-webdriver (>= 0.0.27)
      xpath (~> 0.1.2)
    carrierwave (0.5.0)
      activesupport (~> 3.0.0)
    celerity (0.8.2)
    childprocess (0.1.4)
      ffi (~> 0.6.3)
    closure-compiler (0.3.3)
    configuration (1.1.0)
    countries (0.3.0)
      currencies (>= 0.2.0)
    crack (0.1.8)
    culerity (0.2.12)
    currencies (0.2.1)
    daemons (1.1.0)
    dalli (0.11.0)
    database_cleaner (0.6.0)
    delayed_job (2.1.0.pre2)
      activesupport (~> 3.0)
      daemons
    devise (1.1.3)
      bcrypt-ruby (~> 2.1.2)
      warden (~> 0.10.7)
    diff-lcs (1.1.2)
    em-websocket (0.1.4)
      addressable (>= 2.1.1)
      eventmachine (>= 0.12.9)
    erubis (2.6.6)
      abstract (>= 1.0.0)
    eventmachine (0.12.10)
    excon (0.2.4)
    factory_girl (1.3.2)
    factory_girl_rails (1.0)
      factory_girl (~> 1.3)
      rails (>= 3.0.0.beta4)
    ffaker (1.0.0)
    ffi (0.6.3)
      rake (>= 0.8.7)
    fog (0.3.17)
      builder
      excon (>= 0.2.4)
      formatador (>= 0.0.15)
      json
      mime-types
      net-ssh (~> 2.0.23)
      nokogiri (~> 1.4.3.1)
      ruby-hmac
    formatador (0.0.15)
    growl (1.0.3)
    guard (0.2.2)
      open_gem (~> 1.4.2)
      thor (~> 0.14.3)
    guard-bundler (0.1.1)
      guard (>= 0.2.2)
    guard-livereload (0.1.2)
      em-websocket (~> 0.1.3)
      guard
      json (~> 1.4.6)
    guard-passenger (0.1.0)
      guard (>= 0.2.1)
    guard-rspec (0.1.7)
      guard (>= 0.2.0)
    haml (3.0.23)
    heroku (1.12.2)
      json_pure (>= 1.2.0, < 1.5.0)
      launchy (~> 0.3.2)
      rest-client (>= 1.4.0, < 1.7.0)
    heroku_tasks (0.1.4)
    hoptoad_notifier (2.3.12)
      activesupport
      builder
    http_connection (1.4.0)
    i18n (0.4.2)
    jammit (0.5.4)
      closure-compiler (>= 0.1.0)
      yui-compressor (>= 0.9.1)
    json (1.4.6)
    json_pure (1.4.6)
    launchy (0.3.7)
      configuration (>= 0.0.5)
      rake (>= 0.8.1)
    libxml-ruby (1.1.4)
    liquid (2.2.2)
    mail (2.2.9)
      activesupport (>= 2.3.6)
      i18n (~> 0.4.1)
      mime-types (~> 1.16)
      treetop (~> 1.4.8)
    memcached (0.20.1)
    meta_where (0.9.6)
      activerecord (~> 3.0.0)
      activesupport (~> 3.0.0)
      arel (~> 1.0.1)
    mime-types (1.16)
    mongo (1.1.2)
      bson (>= 1.1.1)
    mongoid (2.0.0.beta.20)
      activemodel (~> 3.0)
      mongo (~> 1.1)
      tzinfo (~> 0.3.22)
      will_paginate (~> 3.0.pre)
    net-ssh (2.0.23)
    nokogiri (1.4.3.1)
    open_gem (1.4.2)
      launchy (~> 0.3.5)
    paper_trail (1.6.3)
      actionpack (>= 2.3)
      activerecord (>= 2.3)
    pg (0.9.0)
    polyglot (0.3.1)
    prowl (0.1.3)
    public_suffix_service (0.7.0)
    rack (1.2.1)
    rack-google-analytics (0.9.2)
    rack-mount (0.6.13)
      rack (>= 1.0.0)
    rack-private (0.1.5)
    rack-ssl-enforcer (0.1.8)
    rack-test (0.5.6)
      rack (>= 1.0)
    rails (3.0.1)
      actionmailer (= 3.0.1)
      actionpack (= 3.0.1)
      activerecord (= 3.0.1)
      activeresource (= 3.0.1)
      activesupport (= 3.0.1)
      bundler (~> 1.0.0)
      railties (= 3.0.1)
    railties (3.0.1)
      actionpack (= 3.0.1)
      activesupport (= 3.0.1)
      rake (>= 0.8.4)
      thor (~> 0.14.0)
    rake (0.8.7)
    request-log-analyzer (1.9.7)
    rescue_me (0.1.0)
    responders (0.6.2)
    rest-client (1.6.1)
      mime-types (>= 1.16)
    rspec (2.1.0)
      rspec-core (~> 2.1.0)
      rspec-expectations (~> 2.1.0)
      rspec-mocks (~> 2.1.0)
    rspec-core (2.1.0)
    rspec-expectations (2.1.0)
      diff-lcs (~> 1.1.2)
    rspec-mocks (2.1.0)
    rspec-rails (2.1.0)
      rspec (~> 2.1.0)
    ruby-graphviz (0.9.19)
    ruby-hmac (0.4.0)
    rubyzip (0.9.4)
    selenium-webdriver (0.0.29)
      childprocess (>= 0.0.7)
      ffi (~> 0.6.3)
      json_pure
      rubyzip
    sequel (3.15.0)
    shoulda (2.11.3)
    silent-postgres (0.0.6)
    sinatra (1.0)
      rack (>= 1.0)
    spork (0.9.0.rc2)
    sqlite3-ruby (1.3.2)
    state_machine (0.9.4)
    steak (1.0.0.rc.2)
      rspec
    taps (0.3.13)
      json_pure (>= 1.2.0, < 1.5.0)
      rack (>= 1.0.1)
      rest-client (>= 1.4.0, < 1.7.0)
      sequel (~> 3.15.0)
      sinatra (~> 1.0.0)
      sqlite3-ruby (~> 1.2)
    thor (0.14.4)
    timecop (0.3.5)
    treetop (1.4.8)
      polyglot (>= 0.3.1)
    tzinfo (0.3.23)
    uniquify (0.1.0)
    uuidtools (2.1.1)
    vcr (1.2.0)
    warden (0.10.7)
      rack (>= 1.0.0)
    webmock (1.5.0)
      addressable (>= 2.2.2)
      crack (>= 0.1.7)
    will_paginate (3.0.pre2)
    wirble (0.1.3)
    xml-simple (1.0.12)
    xpath (0.1.2)
      nokogiri (~> 1.3)
    yui-compressor (0.9.1)
    zip (2.0.2)

PLATFORMS
  ruby

DEPENDENCIES
  PageRankr (~> 1.4.3)
  RedCloth (~> 4.2.3)
  activemerchant (~> 1.9.0)
  annotate (~> 2.4.0)
  array_stats (~> 0.6.0)
  aws (~> 2.3.25)
  bson_ext (~> 1.1.2)
  bundler (~> 1.0.3)
  capybara (~> 0.4.0)
  carrierwave (~> 0.5.0)
  countries (~> 0.3.0)
  dalli (~> 0.11.0)
  database_cleaner (>= 0.6)
  delayed_job (~> 2.1.0.pre2)
  devise (~> 1.1.3)
  devise_invitable!
  factory_girl_rails (~> 1.0.0)
  ffaker (~> 1.0.0)
  fog (~> 0.3.17)
  growl
  guard
  guard-bundler
  guard-livereload
  guard-passenger
  guard-rspec
  haml (~> 3.0.23)
  has_scope!
  heroku (~> 1.12.2)
  heroku_tasks (~> 0.1.4)
  hoptoad_notifier (~> 2.3.12)
  i18n (~> 0.4.1)
  jammit (~> 0.5.4)
  libxml-ruby (~> 1.1.3)
  liquid (~> 2.2.2)
  memcached (~> 0.20.1)
  meta_where (~> 0.9.5)
  mongo (~> 1.1.2)
  mongoid (~> 2.0.0.beta.20)
  paper_trail (~> 1.6.3)
  pg (~> 0.9.0)
  prowl (~> 0.1.3)
  public_suffix_service (~> 0.7.0)
  rack (~> 1.2.1)
  rack-google-analytics (~> 0.9.2)
  rack-private (~> 0.1.5)
  rack-ssl-enforcer (~> 0.1.8)
  rails (~> 3.0.1)
  request-log-analyzer (~> 1.9.6)
  rescue_me (~> 0.1.0)
  responders (~> 0.6.2)
  rspec-rails (~> 2.1.0)
  ruby-graphviz
  shoulda (~> 2.11.3)
  silent-postgres
  spork (~> 0.9.0.rc2)
  state_machine (~> 0.9.4)
  steak (~> 1.0.0.rc.2)
  taps (~> 0.3.13)
  timecop (~> 0.3.5)
  uniquify (~> 0.1.0)
  vcr (~> 1.2.0)
  voxel_hapi!
  webmock (~> 1.5.0)
  will_paginate (~> 3.0.pre2)
  wirble (~> 0.1.3)
  zip (~> 2.0.2)
