GIT
  remote: git://github.com/collectiveidea/delayed_job.git
  revision: a7e72bcca12ac96684638c71046c060000003d0c
  branch: v2.1
  specs:
    delayed_job (2.1.4)
      activesupport (~> 3.0)
      daemons

GIT
  remote: git://github.com/jilion/chosen-rails.git
  revision: be8240784141056b66e0720fbfccb1f8856edaa6
  specs:
    chosen-rails (0.9.8)
      railties (~> 3.0)
      thor (~> 0.14)

GIT
  remote: git://github.com/jilion/premailer.git
  revision: 00d6b351f4ca1cdb5f9d5f3806575f87f29a4882
  specs:
    premailer (1.7.3)
      css_parser (>= 1.1.9)
      htmlentities (>= 4.0.0)

GIT
  remote: git://github.com/jilion/useragent.git
  revision: 8998a459fbbb0ea74b3edbe85cc280c2256f93e9
  specs:
    useragent (0.2.3)

GIT
  remote: git://github.com/jnicklas/carrierwave-mongoid.git
  revision: 28a9b718d42b8aba47d2eb951f73bd9d872b6eb0
  branch: mongoid-3.0
  specs:
    carrierwave-mongoid (0.3.0.alpha)
      carrierwave (~> 0.6.1)
      mongoid (~> 3.0.0)
      mongoid-grid_fs (~> 1.3.1)

GIT
  remote: git://github.com/mongoid/moped.git
  revision: d83d9bba08456a97e23bfe9be9193a025ee4f50f
  specs:
    moped (1.3.0)

GIT
  remote: git://github.com/rails/rails.git
  revision: fb9c00116bb7277f61a9d3ef5c399457f26056a4
  branch: 3-2-stable
  specs:
    actionmailer (3.2.8)
      actionpack (= 3.2.8)
      mail (~> 2.4.4)
    actionpack (3.2.8)
      activemodel (= 3.2.8)
      activesupport (= 3.2.8)
      builder (~> 3.0.0)
      erubis (~> 2.7.0)
      journey (~> 1.0.4)
      rack (~> 1.4.0)
      rack-cache (~> 1.2)
      rack-test (~> 0.6.1)
      sprockets (~> 2.2)
    activemodel (3.2.8)
      activesupport (= 3.2.8)
      builder (~> 3.0.0)
    activerecord (3.2.8)
      activemodel (= 3.2.8)
      activesupport (= 3.2.8)
      arel (~> 3.0.2)
      tzinfo (~> 0.3.29)
    activeresource (3.2.8)
      activemodel (= 3.2.8)
      activesupport (= 3.2.8)
    activesupport (3.2.8)
      i18n (~> 0.6)
      multi_json (~> 1.0)
    rails (3.2.8)
      actionmailer (= 3.2.8)
      actionpack (= 3.2.8)
      activerecord (= 3.2.8)
      activeresource (= 3.2.8)
      activesupport (= 3.2.8)
      bundler (~> 1.0)
      railties (= 3.2.8)
    railties (3.2.8)
      actionpack (= 3.2.8)
      activesupport (= 3.2.8)
      rack-ssl (~> 1.3.2)
      rake (>= 0.8.7)
      rdoc (~> 3.4)
      thor (>= 0.14.6, < 2.0)

GIT
  remote: git://github.com/ryanb/letter_opener.git
  revision: 5415538888238b58b50d028ca10100116c389f05
  specs:
    letter_opener (0.1.0)
      launchy (>= 2.0.4)

GIT
  remote: git://github.com/rymai/rescue_me.git
  revision: df3c0b4ad1e7a3a925496fb9225d68a858566b66
  specs:
    rescue_me (0.1.1)

GIT
  remote: git://github.com/softa/activerecord-postgres-hstore.git
  revision: 6f3084a0257e380d86466e71f07ebf81f2bab7c4
  specs:
    activerecord-postgres-hstore (0.4.1)
      pg
      rails
      rake

GIT
  remote: git://github.com/thibaudgg/voxel_hapi.git
  revision: 590c89b458e21be52825ea9f7532182c68310715
  branch: 1.9.2
  specs:
    voxel_hapi (1.1.1)
      libxml-ruby (~> 2.2.0)
      rescue_me (~> 0.1.0)
      xml-simple (~> 1.0.12)

GEM
  remote: https://rubygems.org/
  remote: https://gems.gemfury.com/8dezqz7z7HWea9vtaFwg/
  specs:
    PageRankr (3.2.1)
      json (>= 1.4.6)
      jsonpath (>= 0.4.2)
      nokogiri (>= 1.4.1)
      public_suffix (>= 0.9.0)
      typhoeus (>= 0.2.1)
    active_utils (1.0.5)
      activesupport (>= 2.3.11)
      i18n
    activemerchant (1.28.0)
      active_utils (>= 1.0.2)
      activesupport (>= 2.3.11)
      builder (>= 2.0.0)
      i18n
      json (>= 1.5.1)
      money
      nokogiri
    acts-as-taggable-on (2.3.3)
      rails (~> 3.0)
    acts_as_api (0.4.1)
      activemodel (>= 3.0.0)
      activesupport (>= 3.0.0)
      rack (>= 1.1.0)
    addressable (2.2.8)
    airbrake (3.1.5)
      builder
      girl_friday
    annotate (2.5.0)
      rake
    arel (3.0.2)
    array_stats (0.6.0)
    asset_sync (0.5.0)
      activemodel
      fog
    aws (2.5.8)
      http_connection
      http_connection
      uuidtools
      uuidtools
      xml-simple
      xml-simple
    bcrypt-ruby (3.0.1)
    brakeman (1.8.1)
      activesupport
      erubis (~> 2.6)
      fastercsv (~> 1.5)
      haml (~> 3.0)
      highline (~> 1.6)
      i18n
      json_pure
      ruby2ruby (~> 1.2)
      ruby_parser (= 2.3.1)
      sass (~> 3.0)
      terminal-table (~> 1.4)
    builder (3.0.3)
    capybara (1.1.2)
      mime-types (>= 1.16)
      nokogiri (>= 1.3.3)
      rack (>= 1.0.0)
      rack-test (>= 0.5.4)
      selenium-webdriver (~> 2.0)
      xpath (~> 0.1.4)
    capybara-email (0.1.2)
    capybara-webkit (0.12.1)
      capybara (>= 1.0.0, < 1.2)
      json
    carrierwave (0.6.2)
      activemodel (>= 3.2.0)
      activesupport (>= 3.2.0)
    childprocess (0.3.5)
      ffi (~> 1.0, >= 1.0.6)
    coderay (1.0.8)
    coffee-filter (0.1.1)
      coffee-script (>= 2.2.0)
      haml (>= 3.0.18)
    coffee-rails (3.2.2)
      coffee-script (>= 2.2.0)
      railties (~> 3.2.0)
    coffee-script (2.2.0)
      coffee-script-source
      execjs
    coffee-script-source (1.3.3)
    columnize (0.3.6)
    configuration (1.3.2)
    connection_pool (0.9.2)
    cookiejar (0.3.0)
    coolline (0.3.0)
    countries (0.8.3)
      currencies (>= 0.4.0)
    crack (0.1.8)
    createsend (1.0.4)
      hashie (~> 1.0)
      httparty (~> 0.8)
      json
    css_parser (1.2.6)
      addressable
      rdoc
    currencies (0.4.0)
    daemons (1.1.9)
    dalli (2.2.1)
    database_cleaner (0.8.0)
    debugger (1.2.0)
      columnize (>= 0.3.1)
      debugger-linecache (~> 1.1.1)
      debugger-ruby_core_source (~> 1.1.3)
    debugger-linecache (1.1.2)
      debugger-ruby_core_source (>= 1.1.1)
    debugger-ruby_core_source (1.1.3)
    devise (2.1.2)
      bcrypt-ruby (~> 3.0)
      orm_adapter (~> 0.1)
      railties (~> 3.1)
      warden (~> 1.2.1)
    devise_invitable (1.1.0)
      actionmailer (~> 3.0)
      devise (>= 2.1.0)
      railties (~> 3.0)
    diff-lcs (1.1.3)
    display_case (0.0.4)
    eco (1.0.0)
      coffee-script
      eco-source
      execjs
    eco-source (1.1.0.rc.1)
    edge_cast (0.0.1)
      faraday (~> 0.8)
      faraday_middleware (~> 0.8)
    ejs (1.0.0)
    em-http-request (1.0.3)
      addressable (>= 2.2.3)
      cookiejar
      em-socksify
      eventmachine (>= 1.0.0.beta.4)
      http_parser.rb (>= 0.5.3)
    em-socksify (0.2.1)
      eventmachine (>= 1.0.0.beta.4)
    em-websocket (0.3.8)
      addressable (>= 2.1.1)
      eventmachine (>= 0.12.9)
    erubis (2.7.0)
    eventmachine (1.0.0)
    excon (0.16.4)
    execjs (1.4.0)
      multi_json (~> 1.0)
    factory_girl (4.1.0)
      activesupport (>= 3.0.0)
    factory_girl_rails (4.1.0)
      factory_girl (~> 4.1.0)
      railties (>= 3.0.0)
    faraday (0.8.4)
      multipart-post (~> 1.1)
    faraday_middleware (0.8.8)
      faraday (>= 0.7.4, < 0.9)
    fastercsv (1.5.5)
    ffaker (1.15.0)
    ffi (1.1.5)
    fog (1.6.0)
      builder
      excon (~> 0.14)
      formatador (~> 0.2.0)
      mime-types
      multi_json (~> 1.0)
      net-scp (~> 1.0.4)
      net-ssh (>= 2.1.3)
      nokogiri (~> 1.5.0)
      ruby-hmac
    foreman (0.60.0)
      thor (>= 0.13.6)
    formatador (0.2.3)
    girl_friday (0.10.0)
      connection_pool (~> 0.9.0)
    guard (1.5.0)
      listen (>= 0.4.2)
      lumberjack (>= 1.0.2)
      pry (>= 0.9.10)
      thor (>= 0.14.6)
    guard-jasmine (1.8.3)
      childprocess
      guard (>= 1.1.0)
      multi_json
      thor
    guard-livereload (1.0.2)
      em-websocket (>= 0.2.0)
      guard (>= 1.1.0)
      multi_json (~> 1.0)
    guard-pow (1.0.0)
      guard (>= 1.1)
    guard-rspec (2.1.0)
      guard (>= 1.1)
      rspec (~> 2.11)
    guard-shell (0.5.1)
      guard (>= 1.1.0)
    haml (3.1.7)
    haml_coffee_assets (1.4.9)
      coffee-script (>= 1.0.0)
      sprockets (>= 2.0.3)
      tilt (>= 1.3.3)
    has_scope (0.5.1)
    hashie (1.2.0)
    heroku (2.32.8)
      heroku-api (~> 0.3.5)
      launchy (>= 0.3.2)
      netrc (~> 0.7.7)
      rest-client (~> 1.6.1)
      rubyzip
    heroku-api (0.3.5)
      excon (~> 0.16.1)
    highline (1.6.15)
    hike (1.2.1)
    hpricot (0.8.6)
    htmlentities (4.3.1)
    http_connection (1.4.2)
    http_parser.rb (0.5.3)
    httparty (0.9.0)
      multi_json (~> 1.0)
      multi_xml
    httpauth (0.2.0)
    i18n (0.6.1)
    inflection (1.0.0)
    jasminerice (0.0.9)
      coffee-rails
      haml
    journey (1.0.4)
    jquery-rails (2.1.3)
      railties (>= 3.1.0, < 5.0)
      thor (~> 0.14)
    jruby-pageant (1.1.1)
    json (1.7.5)
    json_pure (1.7.5)
    jsonpath (0.5.0)
      multi_json
    jwt (0.1.5)
      multi_json (>= 1.0)
    kaminari (0.14.1)
      actionpack (>= 3.0.0)
      activesupport (>= 3.0.0)
    launchy (2.1.0)
      addressable (~> 2.2.6)
    libwebsocket (0.1.5)
      addressable
    libxml-ruby (2.2.2)
    liquid (2.4.1)
    listen (0.5.3)
    lumberjack (1.0.2)
    mail (2.4.4)
      i18n (>= 0.4.0)
      mime-types (~> 1.16)
      treetop (~> 1.4.8)
    method_source (0.8.1)
    mime-types (1.19)
    money (5.0.0)
      i18n (~> 0.4)
      json
    mongoid (3.0.6)
      activemodel (~> 3.1)
      moped (~> 1.1)
      origin (~> 1.0)
      tzinfo (~> 0.3.22)
    mongoid-grid_fs (1.3.2)
      mime-types (~> 1.19)
      mongoid (~> 3.0)
    multi_json (1.3.6)
    multi_xml (0.5.1)
    multipart-post (1.1.5)
    net-scp (1.0.4)
      net-ssh (>= 1.99.1)
    net-ssh (2.6.0)
      jruby-pageant (>= 1.1.1)
    netrc (0.7.7)
    newrelic-redis (1.3.2)
      newrelic_rpm (~> 3.0)
      redis (< 4.0)
    newrelic_moped (0.0.3)
    newrelic_rpm (3.4.2.1)
    nokogiri (1.5.5)
    oauth (0.4.7)
    oauth-plugin (0.4.1)
      multi_json
      oauth (~> 0.4.4)
      oauth2 (>= 0.5.0)
      rack
    oauth2 (0.8.0)
      faraday (~> 0.8)
      httpauth (~> 0.1)
      jwt (~> 0.1.4)
      multi_json (~> 1.0)
      rack (~> 1.2)
    origin (1.0.9)
    orm_adapter (0.4.0)
    paper_trail (2.6.3)
      activerecord (~> 3.0)
      railties (~> 3.0)
    pg (0.14.1)
    polyamorous (0.5.0)
      activerecord (~> 3.0)
    polyglot (0.3.3)
    powder (0.1.8)
      thor (>= 0.11.5)
    premailer-rails3 (1.3.1)
      premailer (~> 1.7)
      rails (~> 3)
    prowl (0.1.3)
    pry (0.9.10)
      coderay (~> 1.0.5)
      method_source (~> 0.8)
      slop (~> 3.3.1)
    public_suffix (1.1.3)
    pusher (0.9.4)
      multi_json (~> 1.0)
      signature (~> 0.1.2)
    quiet_assets (1.0.1)
      railties (~> 3.1)
    rack (1.4.1)
    rack-cache (1.2)
      rack (>= 0.4)
    rack-google-analytics (0.11.0)
    rack-livereload (0.3.8)
      rack
    rack-pjax (0.6.0)
      nokogiri (~> 1.5)
      rack (~> 1.3)
    rack-ssl (1.3.2)
      rack
    rack-ssl-enforcer (0.2.4)
    rack-test (0.6.2)
      rack (>= 1.0)
    rails-backbone (0.6.1)
      coffee-script (~> 2.2.0)
      ejs (~> 1.0.0)
      railties (>= 3.1.0)
    rails_autolink (1.0.9)
      rails (~> 3.1)
    rake (0.9.2.2)
    rb-fsevent (0.9.2)
    rdoc (3.12)
      json (~> 1.4)
    redis (3.0.2)
    request-log-analyzer (1.12.5)
    responders (0.9.3)
      railties (~> 3.1)
    rest-client (1.6.7)
      mime-types (>= 1.16)
    rspec (2.11.0)
      rspec-core (~> 2.11.0)
      rspec-expectations (~> 2.11.0)
      rspec-mocks (~> 2.11.0)
    rspec-core (2.11.1)
    rspec-expectations (2.11.3)
      diff-lcs (~> 1.1.3)
    rspec-mocks (2.11.3)
    rspec-rails (2.11.0)
      actionpack (>= 3.0)
      activesupport (>= 3.0)
      railties (>= 3.0)
      rspec (~> 2.11.0)
    ruby-hmac (0.4.0)
    ruby2ruby (1.3.1)
      ruby_parser (~> 2.0)
      sexp_processor (~> 3.0)
    ruby_gntp (0.3.4)
    ruby_parser (2.3.1)
      sexp_processor (~> 3.0)
    rubyzip (0.9.9)
    sass (3.2.1)
    sass-rails (3.2.5)
      railties (~> 3.2.0)
      sass (>= 3.1.10)
      tilt (~> 1.3)
    selenium-webdriver (2.25.0)
      childprocess (>= 0.2.5)
      libwebsocket (~> 0.1.3)
      multi_json (~> 1.0)
      rubyzip
    sexp_processor (3.2.0)
    sextant (0.1.3)
      activesupport (>= 3.2)
      rails (>= 3.2)
    shoulda-matchers (1.4.0)
      activesupport (>= 3.0.0)
    show_me_the_cookies (1.1.3)
      capybara (~> 1.0)
    signature (0.1.4)
    silent-postgres (0.1.1)
    simple_oauth (0.1.9)
    slop (3.3.3)
    snail (0.6.1)
    solve (0.4.0.rc1)
      json
    sprockets (2.6.0)
      hike (~> 1.2)
      multi_json (~> 1.0)
      rack (~> 1.0)
      tilt (~> 1.1, != 1.3.0)
    squeel (1.0.12)
      activerecord (~> 3.0)
      activesupport (~> 3.0)
      polyamorous (~> 0.5.0)
    stat_request_parser (1.1.0)
      activesupport (>= 3.0.0)
    state_machine (1.1.2)
    sublimevideo_layout (1.4.1)
      coffee-rails (~> 3.2.0)
      haml
      jquery-rails (~> 2.1.1)
      rails (~> 3.2.0)
    terminal-table (1.4.5)
    thin (1.5.0)
      daemons (>= 1.0.9)
      eventmachine (>= 0.12.6)
      rack (>= 1.0.0)
    thor (0.16.0)
    tilt (1.3.3)
    timecop (0.5.2)
    treetop (1.4.10)
      polyglot
      polyglot (>= 0.3.1)
    twitter (3.7.0)
      faraday (~> 0.8)
      multi_json (~> 1.3)
      simple_oauth (~> 0.1.6)
    typhoeus (0.2.4)
      mime-types
      mime-types
    tzinfo (0.3.33)
    uglifier (1.3.0)
      execjs (>= 0.3.0)
      multi_json (~> 1.0, >= 1.0.2)
    uniquify (0.1.0)
    uuidtools (2.1.3)
    vcr (1.10.3)
    warden (1.2.1)
      rack (>= 1.0)
    webmock (1.6.4)
      addressable (~> 2.2, > 2.2.5)
      crack (>= 0.1.7)
    wirble (0.1.3)
    xml-simple (1.0.16)
    xpath (0.1.4)
      nokogiri (~> 1.3)
    zendesk_api (0.1.5)
      faraday (>= 0.8.0)
      faraday_middleware (>= 0.8.7)
      hashie
      inflection
      json
      mime-types
      multipart-post

PLATFORMS
  ruby

DEPENDENCIES
  PageRankr (~> 3.2.1)
  activemerchant (= 1.28.0)
  activerecord-postgres-hstore!
  acts-as-taggable-on (~> 2.3.3)
  acts_as_api (~> 0.4.1)
  addressable (= 2.2.8)
  airbrake (~> 3.1.2)
  annotate
  array_stats (~> 0.6.0)
  asset_sync
  aws (~> 2.5.6)
  brakeman
  bundler (~> 1.2.0)
  capybara
  capybara-email
  capybara-webkit
  carrierwave (~> 0.6.2)
  carrierwave-mongoid!
  chosen-rails!
  coffee-filter (~> 0.1.1)
  coffee-rails (~> 3.2.2)
  configuration (~> 1.3.1)
  coolline
  countries (~> 0.8.2)
  crack (~> 0.1.8)
  createsend (~> 1.0.0)
  dalli
  database_cleaner
  debugger
  delayed_job!
  devise (~> 2.1.2)
  devise_invitable (~> 1.1.0)
  display_case (~> 0.0.4)
  eco
  edge_cast (~> 0.0.1)
  em-http-request
  execjs
  factory_girl
  factory_girl_rails
  ffaker
  fog (~> 1.6.0)
  foreman
  guard
  guard-jasmine
  guard-livereload
  guard-pow
  guard-rspec
  guard-shell
  haml (~> 3.1.6)
  haml_coffee_assets (~> 1.4.6)
  has_scope (~> 0.5.1)
  heroku
  hpricot (~> 0.8.6)
  jasminerice
  kaminari (~> 0.14.0)
  letter_opener!
  libxml-ruby (~> 2.2.0)
  liquid (~> 2.4.1)
  mime-types
  mongoid (~> 3.0.6)
  moped!
  newrelic-redis
  newrelic_moped
  newrelic_rpm
  oauth (~> 0.4.7)
  oauth-plugin (~> 0.4.1)
  paper_trail (~> 2.6.0)
  pg (~> 0.14.0)
  powder
  premailer!
  premailer-rails3 (~> 1.3.1)
  prowl (~> 0.1.3)
  pry
  public_suffix (~> 1.1.2)
  pusher (~> 0.9.2)
  quiet_assets
  rack-google-analytics (~> 0.11)
  rack-livereload
  rack-pjax
  rack-ssl-enforcer
  rails!
  rails-backbone (~> 0.6.0)
  rails_autolink (~> 1.0.7)
  rb-fsevent
  redis (~> 3.0.1)
  request-log-analyzer (~> 1.12.0)
  rescue_me!
  responders (~> 0.9.2)
  rspec-rails (~> 2.11.0)
  ruby_gntp
  rubyzip (~> 0.9.7)
  sass-rails (~> 3.2.5)
  sextant
  shoulda-matchers
  show_me_the_cookies
  silent-postgres
  snail (~> 0.6.1)
  solve (= 0.4.0.rc1)
  squeel (~> 1.0.11)
  stat_request_parser (~> 1.1.0)
  state_machine (~> 1.1.2)
  sublimevideo_layout (= 1.4.1)
  thin
  timecop
  twitter (~> 3.7.0)
  typhoeus (~> 0.2.0)
  uglifier
  uniquify (~> 0.1.0)
  useragent!
  vcr (~> 1.10.3)
  voxel_hapi!
  webmock (~> 1.6.0)
  wirble
  zendesk_api (~> 0.1.2)
