GIT
  remote: git://github.com/Jilion/useragent.git
  revision: 85527bbadb664cf3dd9d4dcd8f6c3e27ef2a3f5e
  specs:
    useragent (0.2.3)

GIT
  remote: git://github.com/amatsuda/kaminari.git
  revision: f41de10abb1079bfccefbcbef691c8a5388901f3
  specs:
    kaminari (0.12.4)
      railties (>= 3.0.0)

GIT
  remote: git://github.com/ctran/annotate_models.git
  revision: cfeec96c9ca0fa5035b10be3d73e798cc4fc52f7
  specs:
    annotate (2.4.1.beta1)

GIT
  remote: git://github.com/rymai/active_merchant.git
  revision: 3f85a699e5ce6debc4208831cd4f7bd578e40a65
  branch: 3ds_from_ZenCocoon
  specs:
    activemerchant (1.18.0)
      active_utils (>= 1.0.1)
      activesupport (>= 2.3.11)
      braintree (>= 2.0.0)
      builder (>= 2.0.0)
      i18n
      money

GIT
  remote: git://github.com/thibaudgg/voxel_hapi.git
  revision: 590c89b458e21be52825ea9f7532182c68310715
  branch: 1.9.2
  specs:
    voxel_hapi (1.1.1)
      libxml-ruby (~> 2.2.0)
      rescue_me (~> 0.1.0)
      xml-simple (~> 1.0.12)

GIT
  remote: git://github.com/thoughtbot/shoulda-matchers.git
  revision: 3d9439030b09208517311c1583beb0fe0a6c903b
  specs:
    shoulda-matchers (1.0.0.beta3)

GEM
  remote: http://rubygems.org/
  specs:
    PageRankr (2.0.4)
      json (>= 1.4.6)
      nokogiri (>= 1.4.1)
      public_suffix_service (~> 0.9.0)
      typhoeus (~> 0.2.1)
    RedCloth (4.2.8)
    actionmailer (3.1.1.rc3)
      actionpack (= 3.1.1.rc3)
      mail (~> 2.3.0)
    actionpack (3.1.1.rc3)
      activemodel (= 3.1.1.rc3)
      activesupport (= 3.1.1.rc3)
      builder (~> 3.0.0)
      erubis (~> 2.7.0)
      i18n (~> 0.6)
      rack (~> 1.3.2)
      rack-cache (~> 1.1)
      rack-mount (~> 0.8.2)
      rack-test (~> 0.6.1)
      sprockets (~> 2.0.2)
    active_utils (1.0.1)
      activesupport (>= 2.3.11)
      i18n
    activemodel (3.1.1.rc3)
      activesupport (= 3.1.1.rc3)
      builder (~> 3.0.0)
      i18n (~> 0.6)
    activerecord (3.1.1.rc3)
      activemodel (= 3.1.1.rc3)
      activesupport (= 3.1.1.rc3)
      arel (~> 2.2.1)
      tzinfo (~> 0.3.29)
    activeresource (3.1.1.rc3)
      activemodel (= 3.1.1.rc3)
      activesupport (= 3.1.1.rc3)
    activesupport (3.1.1.rc3)
      multi_json (~> 1.0)
    acts_as_api (0.3.10)
      activemodel (>= 3.0.0)
      activesupport (>= 3.0.0)
      rack (>= 1.1.0)
    addressable (2.2.6)
    arel (2.2.1)
    array_stats (0.6.0)
    aws (2.5.6)
      http_connection
      uuidtools
      xml-simple
    bcrypt-ruby (3.0.1)
    braintree (2.12.0)
      builder (>= 2.0.0)
    bson (1.4.0)
    bson_ext (1.4.0)
    builder (3.0.0)
    capybara (1.1.1)
      mime-types (>= 1.16)
      nokogiri (>= 1.3.3)
      rack (>= 1.0.0)
      rack-test (>= 0.5.4)
      selenium-webdriver (~> 2.0)
      xpath (~> 0.1.4)
    carrierwave (0.5.7)
      activesupport (~> 3.0)
    carrierwave-mongoid (0.1.3)
      carrierwave (>= 0.5.6)
      mongoid (~> 2.1)
    childprocess (0.2.2)
      ffi (~> 1.0.6)
    coffee-filter (0.1.1)
      coffee-script (>= 2.2.0)
      haml (>= 3.0.18)
    coffee-rails (3.1.1)
      coffee-script (>= 2.2.0)
      railties (~> 3.1.0)
    coffee-script (2.2.0)
      coffee-script-source
      execjs
    coffee-script-source (1.1.2)
    configuration (1.3.1)
    countries (0.6.2)
      currencies (= 0.4.0)
      currencies (>= 0.2.0)
    crack (0.1.8)
    createsend (1.0.0)
      hashie (~> 1.0)
      httparty (~> 0.8)
      json
    currencies (0.4.0)
    daemons (1.1.4)
    dalli (1.1.2)
    database_cleaner (0.6.7)
    delayed_job (2.1.4)
      activesupport (~> 3.0)
      daemons
    devise (1.4.7)
      bcrypt-ruby (~> 3.0)
      orm_adapter (~> 0.0.3)
      warden (~> 1.0.3)
    devise_invitable (0.5.5)
      devise (~> 1.4.1)
      rails (>= 3.0.0, < 3.2)
    diff-lcs (1.1.3)
    eco (1.0.0)
      coffee-script
      eco-source
      execjs
    eco-source (1.1.0.rc.1)
    ejs (1.0.0)
    em-http-request (0.3.0)
      addressable (>= 2.0.0)
      escape_utils
      eventmachine (>= 0.12.9)
    em-websocket (0.3.1)
      addressable (>= 2.1.1)
      eventmachine (>= 0.12.9)
    erubis (2.7.0)
    escape_utils (0.2.4)
    eventmachine (0.12.10)
    excon (0.7.6)
    execjs (1.2.9)
      multi_json (~> 1.0)
    factory_girl (2.1.2)
      activesupport
    factory_girl_rails (1.2.0)
      factory_girl (~> 2.1.0)
      railties (>= 3.0.0)
    faraday (0.7.5)
      addressable (~> 2.2.6)
      multipart-post (~> 1.1.3)
      rack (>= 1.1.0, < 2)
    faraday_middleware (0.7.0)
      faraday (~> 0.7.3)
    ffaker (1.8.1)
    ffi (1.0.9)
    fog (1.0.0)
      builder
      excon (~> 0.7.3)
      formatador (~> 0.2.0)
      mime-types
      multi_json (~> 1.0.3)
      net-scp (~> 1.0.4)
      net-ssh (~> 2.1.4)
      nokogiri (~> 1.5.0)
      ruby-hmac
    formatador (0.2.1)
    fuubar (0.0.6)
      rspec (~> 2.0)
      rspec-instafail (~> 0.1.8)
      ruby-progressbar (~> 0.0.10)
    growl_notify (0.0.3)
      rb-appscript
    guard (0.8.4)
      thor (~> 0.14.6)
    guard-bundler (0.1.3)
      bundler (>= 1.0.0)
      guard (>= 0.2.2)
    guard-coffeescript (0.5.2)
      coffee-script (>= 2.2.0)
      guard (>= 0.8.3)
    guard-jasmine (0.6.2)
      guard (>= 0.8.3)
      multi_json (~> 1.0.3)
    guard-livereload (0.3.1)
      em-websocket (>= 0.2.0)
      guard (>= 0.4.0)
      multi_json (~> 1.0.3)
    guard-pow (0.2.1)
      guard (>= 0.3.0)
    guard-rspec (0.5.0)
      guard (>= 0.8.4)
    guard-spork (0.3.1)
      guard (>= 0.8.4)
      spork (>= 0.8.4)
    haml (3.1.3)
    has_scope (0.5.1)
    hashie (1.1.0)
    heroku (2.8.6)
      launchy (>= 0.3.2)
      rest-client (~> 1.6.1)
      rubyzip
      term-ansicolor (~> 1.0.5)
    hike (1.2.1)
    hoptoad_notifier (2.4.11)
      activesupport
      builder
    http_connection (1.4.1)
    httparty (0.8.1)
      multi_json
      multi_xml
    i18n (0.6.0)
    jasminerice (0.0.7)
      haml
    jquery-rails (1.0.14)
      railties (~> 3.0)
      thor (~> 0.14)
    json (1.6.1)
    json_pure (1.6.1)
    launchy (2.0.5)
      addressable (~> 2.2.6)
    libxml-ruby (2.2.2)
    liquid (2.2.2)
    log_buddy (0.6.0)
    mail (2.3.0)
      i18n (>= 0.4.0)
      mime-types (~> 1.16)
      treetop (~> 1.4.8)
    mime-types (1.16)
    money (3.7.1)
      i18n (~> 0.4)
    mongo (1.4.0)
      bson (= 1.4.0)
    mongoid (2.2.2)
      activemodel (~> 3.0)
      mongo (~> 1.3)
      tzinfo (~> 0.3.22)
    multi_json (1.0.3)
    multi_xml (0.4.1)
    multipart-post (1.1.3)
    net-scp (1.0.4)
      net-ssh (>= 1.99.1)
    net-ssh (2.1.4)
    nokogiri (1.5.0)
    oauth (0.4.5)
    oauth-plugin (0.4.0.pre7)
      multi_json
      oauth (~> 0.4.4)
      oauth2
      rack
    oauth2 (0.5.1)
      faraday (~> 0.7.4)
      multi_json (~> 1.0.3)
    orm_adapter (0.0.5)
    paper_trail (2.2.9)
      rails (~> 3)
    pg (0.11.0)
    polyamorous (0.5.0)
      activerecord (~> 3.0)
    polyglot (0.3.2)
    prototype-rails (3.1.0)
      rails (~> 3.1)
    prowl (0.1.3)
    public_suffix_service (0.9.0)
    pusher (0.8.3)
      crack (~> 0.1.0)
      multi_json (~> 1.0)
      ruby-hmac (~> 0.4.0)
      signature (~> 0.1.2)
    rack (1.3.4)
    rack-cache (1.1)
      rack (>= 0.4)
    rack-google-analytics (0.9.2)
    rack-mount (0.8.3)
      rack (>= 1.0.0)
    rack-private (0.1.8)
    rack-ssl (1.3.2)
      rack
    rack-ssl-enforcer (0.2.4)
    rack-test (0.6.1)
      rack (>= 1.0)
    rails (3.1.1.rc3)
      actionmailer (= 3.1.1.rc3)
      actionpack (= 3.1.1.rc3)
      activerecord (= 3.1.1.rc3)
      activeresource (= 3.1.1.rc3)
      activesupport (= 3.1.1.rc3)
      bundler (~> 1.0)
      railties (= 3.1.1.rc3)
    rails-backbone (0.5.4)
      coffee-script (~> 2.2.0)
      ejs (~> 1.0.0)
      rails (~> 3.1.0)
    rails-dev-tweaks (0.4.0)
      rails (~> 3.1.0.rc4)
    railties (3.1.1.rc3)
      actionpack (= 3.1.1.rc3)
      activesupport (= 3.1.1.rc3)
      rack-ssl (~> 1.3.2)
      rake (>= 0.8.7)
      rdoc (~> 3.4)
      thor (~> 0.14.6)
    rake (0.9.2)
    rb-appscript (0.6.1)
    rb-fsevent (0.9.0.pre3)
    rdoc (3.10)
      json (~> 1.4)
    request-log-analyzer (1.11.1)
    rescue_me (0.1.0)
    responders (0.6.4)
    rest-client (1.6.7)
      mime-types (>= 1.16)
    rspec (2.6.0)
      rspec-core (~> 2.6.0)
      rspec-expectations (~> 2.6.0)
      rspec-mocks (~> 2.6.0)
    rspec-core (2.6.4)
    rspec-expectations (2.6.0)
      diff-lcs (~> 1.1.2)
    rspec-instafail (0.1.8)
    rspec-mocks (2.6.0)
    rspec-rails (2.6.1)
      actionpack (~> 3.0)
      activesupport (~> 3.0)
      railties (~> 3.0)
      rspec (~> 2.6.0)
    ruby-graphviz (1.0.0)
    ruby-hmac (0.4.0)
    ruby-progressbar (0.0.10)
    rubyzip (0.9.4)
    sass (3.1.10)
    sass-rails (3.1.4)
      actionpack (~> 3.1.0)
      railties (~> 3.1.0)
      sass (>= 3.1.4)
      sprockets (~> 2.0.0)
      tilt (~> 1.3.2)
    selenium-webdriver (2.8.0)
      childprocess (>= 0.2.1)
      ffi (>= 1.0.7)
      json_pure
      rubyzip
    sequel (3.20.0)
    settingslogic (2.0.6)
    signature (0.1.2)
      ruby-hmac
    silent-postgres (0.1.1)
    simple_oauth (0.1.5)
    sinatra (1.0)
      rack (>= 1.0)
    spork (0.9.0.rc9)
    sprockets (2.0.2)
      hike (~> 1.2)
      rack (~> 1.0)
      tilt (~> 1.1, != 1.3.0)
    sqlite3 (1.3.4)
    sqlite3-ruby (1.3.3)
      sqlite3 (>= 1.3.3)
    squeel (0.9.3)
      activerecord (~> 3.0)
      activesupport (~> 3.0)
      polyamorous (~> 0.5.0)
    state_machine (1.0.2)
    taps (0.3.23)
      rack (>= 1.0.1)
      rest-client (>= 1.4.0, < 1.7.0)
      sequel (~> 3.20.0)
      sinatra (~> 1.0.0)
      sqlite3-ruby (~> 1.2)
    term-ansicolor (1.0.6)
    thor (0.14.6)
    tilt (1.3.3)
    timecop (0.3.5)
    treetop (1.4.10)
      polyglot
      polyglot (>= 0.3.1)
    twitter (1.7.2)
      faraday (~> 0.7.4)
      faraday_middleware (~> 0.7.0)
      hashie (~> 1.1.0)
      multi_json (~> 1.0.0)
      multi_xml (~> 0.4.0)
      simple_oauth (~> 0.1.5)
    typhoeus (0.2.4)
      mime-types
      mime-types
    tzinfo (0.3.30)
    uglifier (1.0.3)
      execjs (>= 0.3.0)
      multi_json (>= 1.0.2)
    uniquify (0.1.0)
    uuidtools (2.1.2)
    vcr (1.10.3)
    warden (1.0.6)
      rack (>= 1.0)
    webmock (1.6.4)
      addressable (~> 2.2, > 2.2.5)
      crack (>= 0.1.7)
    wirble (0.1.3)
    xml-simple (1.0.16)
    xpath (0.1.4)
      nokogiri (~> 1.3)
    zip (2.0.2)

PLATFORMS
  ruby

DEPENDENCIES
  PageRankr (~> 2.0.3)
  RedCloth (~> 4.2.7)
  activemerchant!
  acts_as_api (~> 0.3.9)
  addressable (~> 2.2.6)
  annotate!
  array_stats (~> 0.6.0)
  aws (~> 2.5.6)
  bson_ext (~> 1.4.0)
  capybara
  carrierwave (~> 0.5.7)
  carrierwave-mongoid (~> 0.1.1)
  coffee-filter (~> 0.1.1)
  coffee-rails (~> 3.1.0)
  configuration (~> 1.3.1)
  countries (~> 0.6.2)
  crack (~> 0.1.8)
  createsend (~> 1.0.0)
  dalli (~> 1.1.1)
  database_cleaner
  delayed_job (~> 2.1.4)
  devise (~> 1.4.7)
  devise_invitable (~> 0.5.5)
  eco
  em-http-request
  factory_girl_rails
  ffaker
  fog (~> 1.0.0)
  fuubar
  growl_notify
  guard-bundler
  guard-coffeescript
  guard-jasmine
  guard-livereload
  guard-pow
  guard-rspec
  guard-spork
  haml (~> 3.1.3)
  has_scope (~> 0.5.1)
  heroku
  hoptoad_notifier (~> 2.4.11)
  jasminerice
  jquery-rails
  kaminari!
  libxml-ruby (~> 2.2.0)
  liquid (~> 2.2.2)
  log_buddy
  mongo (~> 1.4.0)
  mongoid (~> 2.2.0)
  oauth (~> 0.4.5)
  oauth-plugin (~> 0.4.0.pre7)
  paper_trail (~> 2.2.9)
  pg (~> 0.11.0)
  prototype-rails
  prowl (~> 0.1.3)
  public_suffix_service (~> 0.9.0)
  pusher (~> 0.8.3)
  rack-google-analytics (~> 0.9.2)
  rack-private
  rack-ssl-enforcer (~> 0.2.3)
  rails (= 3.1.1.rc3)
  rails-backbone
  rails-dev-tweaks (~> 0.4.0)
  rb-fsevent (~> 0.9.0.pre3)
  request-log-analyzer (~> 1.11.1)
  rescue_me (~> 0.1.0)
  responders (~> 0.6.4)
  rspec-rails (~> 2.6.1)
  ruby-graphviz
  sass-rails (~> 3.1.0)
  settingslogic (~> 2.0.6)
  shoulda-matchers!
  silent-postgres
  spork (~> 0.9.0.rc9)
  squeel (~> 0.9.2)
  state_machine (~> 1.0.2)
  taps
  timecop
  twitter (~> 1.7.2)
  typhoeus
  uglifier
  uniquify (~> 0.1.0)
  useragent!
  vcr (~> 1.10.3)
  voxel_hapi!
  webmock (~> 1.6.4)
  wirble
  zip (~> 2.0.2)
