GIT
  remote: git://github.com/collectiveidea/delayed_job.git
  revision: b983b7e
  specs:
    delayed_job (2.1.0.pre)
      daemons

GIT
  remote: git://github.com/plataformatec/responders.git
  revision: 3684de7
  specs:
    responders (0.6.2)

GIT
  remote: git://github.com/rymai/devise_invitable.git
  revision: 9fa8e40
  specs:
    devise_invitable (0.6.5)
      devise (>= 1.1.1)
      rails (= 3.0.0.rc)

GIT
  remote: git://github.com/rymai/has_scope.git
  revision: 22165fe
  specs:
    has_scope (0.5.0)

GIT
  remote: git://github.com/thibaudgg/jammit.git
  revision: dab0cc2
  specs:
    jammit (0.5.1)
      closure-compiler (>= 0.1.0)
      yui-compressor (>= 0.9.1)

GIT
  remote: git://github.com/thibaudgg/voxel_hapi.git
  revision: d913ce0
  specs:
    voxel_hapi (1.1.0)
      libxml-ruby (>= 1.0.3)
      xml-simple (>= 1.0.12)

GEM
  remote: http://rubygems.org/
  specs:
    RedCloth (4.2.3)
    abstract (1.0.0)
    actionmailer (3.0.0.rc)
      actionpack (= 3.0.0.rc)
      mail (~> 2.2.5)
    actionpack (3.0.0.rc)
      activemodel (= 3.0.0.rc)
      activesupport (= 3.0.0.rc)
      builder (~> 2.1.2)
      erubis (~> 2.6.6)
      i18n (~> 0.4.1)
      rack (~> 1.2.1)
      rack-mount (~> 0.6.9)
      rack-test (~> 0.5.4)
      tzinfo (~> 0.3.22)
    activemerchant (1.7.1)
      activesupport (>= 2.3.2)
      braintree (>= 2.0.0)
      builder (>= 2.0.0)
    activemodel (3.0.0.rc)
      activesupport (= 3.0.0.rc)
      builder (~> 2.1.2)
      i18n (~> 0.4.1)
    activerecord (3.0.0.rc)
      activemodel (= 3.0.0.rc)
      activesupport (= 3.0.0.rc)
      arel (~> 0.4.0)
      tzinfo (~> 0.3.22)
    activeresource (3.0.0.rc)
      activemodel (= 3.0.0.rc)
      activesupport (= 3.0.0.rc)
    activesupport (3.0.0.rc)
    addressable (2.1.2)
    annotate (2.4.0)
    arel (0.4.0)
      activesupport (>= 3.0.0.beta)
    aws (2.3.20)
      http_connection
      uuidtools
      xml-simple
    bcrypt-ruby (2.1.2)
    braintree (2.4.0)
      builder
    builder (2.1.2)
    capybara (0.3.9)
      culerity (>= 0.2.4)
      mime-types (>= 1.16)
      nokogiri (>= 1.3.3)
      rack (>= 1.0.0)
      rack-test (>= 0.5.4)
      selenium-webdriver (>= 0.0.3)
    carrierwave (0.5.0.beta2)
      activesupport (>= 3.0.0.beta4)
    closure-compiler (0.3.2)
    configuration (1.1.0)
    crack (0.1.8)
    culerity (0.2.10)
    daemons (1.1.0)
    devise (1.1.1)
      bcrypt-ruby (~> 2.1.2)
      warden (~> 0.10.7)
    diff-lcs (1.1.2)
    erubis (2.6.6)
      abstract (>= 1.0.0)
    factory_girl (1.3.2)
    factory_girl_rails (1.0)
      factory_girl (~> 1.3)
      rails (>= 3.0.0.beta4)
    ffaker (0.4.0)
    ffi (0.6.3)
      rake (>= 0.8.7)
    growl (1.0.3)
    haml (3.0.16)
    hoptoad_notifier (2.3.3)
      activesupport
    http_connection (1.3.0)
    i18n (0.4.1)
    json_pure (1.4.6)
    launchy (0.3.7)
      configuration (>= 0.0.5)
      rake (>= 0.8.1)
    libnotify (0.2.0)
      ffi (>= 0.6.2)
    libxml-ruby (1.1.4)
    mail (2.2.5)
      activesupport (>= 2.3.6)
      mime-types
      treetop (>= 1.4.5)
    memcache-client (1.8.5)
    memcached (0.20.1)
    meta_where (0.5.2)
      activerecord (>= 3.0.0.beta4)
      activesupport (>= 3.0.0.beta4)
      arel (>= 0.4.0)
    mime-types (1.16)
    nokogiri (1.4.3.1)
    parallel (0.4.2)
    pg (0.9.0)
    polyglot (0.3.1)
    rack (1.2.1)
    rack-mount (0.6.9)
      rack (>= 1.0.0)
    rack-test (0.5.4)
      rack (>= 1.0)
    rails (3.0.0.rc)
      actionmailer (= 3.0.0.rc)
      actionpack (= 3.0.0.rc)
      activerecord (= 3.0.0.rc)
      activeresource (= 3.0.0.rc)
      activesupport (= 3.0.0.rc)
      bundler (>= 1.0.0.rc.1)
      railties (= 3.0.0.rc)
    railties (3.0.0.rc)
      actionpack (= 3.0.0.rc)
      activesupport (= 3.0.0.rc)
      rake (>= 0.8.3)
      thor (~> 0.14.0)
    rake (0.8.7)
    rb-inotify (0.8.1)
      ffi (>= 0.5.0)
    request-log-analyzer (1.8.0)
    rspactor (0.7.0.beta.5)
      growl (>= 1.0.3)
      libnotify (>= 0.1.3)
      rb-inotify
      sys-uname (>= 0.8.4)
      trollop (>= 1.16.2)
    rspec (2.0.0.beta.19)
      rspec-core (= 2.0.0.beta.19)
      rspec-expectations (= 2.0.0.beta.19)
      rspec-mocks (= 2.0.0.beta.19)
    rspec-core (2.0.0.beta.19)
    rspec-expectations (2.0.0.beta.19)
      diff-lcs (>= 1.1.2)
    rspec-mocks (2.0.0.beta.19)
    rspec-rails (2.0.0.beta.19)
      rspec (= 2.0.0.beta.19)
      webrat (>= 0.7.2.beta.1)
    ruby-graphviz (0.9.16)
    rubyzip (0.9.4)
    selenium-webdriver (0.0.27)
      ffi (>= 0.6.1)
      json_pure
      rubyzip
    shoulda (2.11.3)
    spork (0.8.4)
    sqlite3-ruby (1.3.1)
    state_machine (0.9.4)
    steak (0.4.0.beta.1)
      rspec (>= 2.0.0.beta.9)
    sys-uname (0.8.4)
    system_timer (1.0)
    thor (0.14.0)
    treetop (1.4.8)
      polyglot (>= 0.3.1)
    trollop (1.16.2)
    tzinfo (0.3.22)
    uniquify (0.1.0)
    uuidtools (2.1.1)
    vcr (1.0.3)
    warden (0.10.7)
      rack (>= 1.0.0)
    webmock (1.3.3)
      addressable (>= 2.1.1)
      crack (>= 0.1.7)
    webrat (0.7.2.beta.1)
      nokogiri (>= 1.2.0)
      rack (>= 1.0)
      rack-test (>= 0.5.3)
    will_paginate (3.0.pre2)
    wirble (0.1.3)
    xml-simple (1.0.12)
    yui-compressor (0.9.1)

PLATFORMS
  ruby

DEPENDENCIES
  RedCloth
  activemerchant (>= 1.7.1)
  annotate
  aws (>= 2.3.20)
  capybara
  carrierwave (>= 0.5.0.beta2)
  delayed_job!
  devise (>= 1.1.1)
  devise_invitable!
  factory_girl_rails
  ffaker (>= 0.4.0)
  haml (>= 3.0.16)
  has_scope!
  hoptoad_notifier (>= 2.3.3)
  i18n (>= 0.4.1)
  jammit!
  launchy
  libxml-ruby (>= 1.1.3)
  memcache-client (>= 1.8.5)
  memcached (>= 0.20.1)
  meta_where (>= 0.5.2)
  parallel
  pg (>= 0.9.0)
  rails (= 3.0.0.rc)
  request-log-analyzer (>= 1.8.0)
  responders!
  rspactor (>= 0.7.beta.5)
  rspec-rails (>= 2.0.0.beta.19)
  ruby-graphviz
  shoulda
  spork
  sqlite3-ruby
  state_machine (>= 0.9.4)
  steak (>= 0.4.0.beta.1)
  system_timer (>= 1.0.0)
  uniquify (>= 0.1.0)
  vcr (>= 1.0.3)
  voxel_hapi!
  webmock
  will_paginate (>= 3.0.pre2)
  wirble
