GIT
  remote: git://github.com/collectiveidea/delayed_job.git
  revision: a7e72bcca12ac96684638c71046c060000003d0c
  branch: v2.1
  specs:
    delayed_job (2.1.4)
      activesupport (~> 3.0)
      daemons

GIT
  remote: git://github.com/ctran/annotate_models.git
  revision: ff1131daee8c03dbcc4966b7914b77a7e3a62f02
  specs:
    annotate (2.4.1.beta1)

GIT
  remote: git://github.com/jilion/useragent.git
  revision: 923ab1e668bc60389ab1e7a983ca72c5b4a14a6f
  specs:
    useragent (0.2.3)

GIT
  remote: git://github.com/pcg79/letter_opener.git
  revision: 770282bc220d5ed7427d5cc316711fe0423ab67b
  specs:
    letter_opener (0.0.2)
      launchy

GIT
  remote: git://github.com/rymai/active_merchant.git
  revision: 66e1960276f3e7248ecfba969b7a6d341f1aab18
  branch: 3ds_from_ZenCocoon
  specs:
    activemerchant (1.18.1)
      active_utils (>= 1.0.1)
      activesupport (>= 2.3.11)
      braintree (>= 2.0.0)
      builder (>= 2.0.0)
      i18n
      money

GIT
  remote: git://github.com/rymai/rescue_me.git
  revision: df3c0b4ad1e7a3a925496fb9225d68a858566b66
  specs:
    rescue_me (0.1.1)

GIT
  remote: git://github.com/thibaudgg/voxel_hapi.git
  revision: 590c89b458e21be52825ea9f7532182c68310715
  branch: 1.9.2
  specs:
    voxel_hapi (1.1.1)
      libxml-ruby (~> 2.2.0)
      rescue_me (~> 0.1.0)
      xml-simple (~> 1.0.12)

GEM
  remote: https://rubygems.org/
  remote: https://gems.gemfury.com/8dezqz7z7HWea9vtaFwg/
  specs:
    PageRankr (3.1.2)
      json (>= 1.4.6)
      jsonpath (>= 0.4.2)
      nokogiri (>= 1.4.1)
      public_suffix (>= 0.9.0)
      typhoeus (>= 0.2.1)
    actionmailer (3.2.3)
      actionpack (= 3.2.3)
      mail (~> 2.4.4)
    actionpack (3.2.3)
      activemodel (= 3.2.3)
      activesupport (= 3.2.3)
      builder (~> 3.0.0)
      erubis (~> 2.7.0)
      journey (~> 1.0.1)
      rack (~> 1.4.0)
      rack-cache (~> 1.2)
      rack-test (~> 0.6.1)
      sprockets (~> 2.1.2)
    active_utils (1.0.3)
      activesupport (>= 2.3.11)
      i18n
    activemodel (3.2.3)
      activesupport (= 3.2.3)
      builder (~> 3.0.0)
    activerecord (3.2.3)
      activemodel (= 3.2.3)
      activesupport (= 3.2.3)
      arel (~> 3.0.2)
      tzinfo (~> 0.3.29)
    activeresource (3.2.3)
      activemodel (= 3.2.3)
      activesupport (= 3.2.3)
    activesupport (3.2.3)
      i18n (~> 0.6)
      multi_json (~> 1.0)
    acts_as_api (0.3.11)
      activemodel (>= 3.0.0)
      activesupport (>= 3.0.0)
      rack (>= 1.1.0)
    addressable (2.2.7)
    airbrake (3.0.9)
      activesupport
      builder
    arel (3.0.2)
    array_stats (0.6.0)
    asset_sync (0.3.1)
      activemodel
      fog
    aws (2.5.6)
      http_connection
      uuidtools
      xml-simple
    bcrypt-ruby (3.0.1)
    braintree (2.14.0)
      builder (>= 2.0.0)
    bson (1.6.1)
    bson_ext (1.6.1)
      bson (~> 1.6.1)
    builder (3.0.0)
    capybara (1.1.2)
      mime-types (>= 1.16)
      nokogiri (>= 1.3.3)
      rack (>= 1.0.0)
      rack-test (>= 0.5.4)
      selenium-webdriver (~> 2.0)
      xpath (~> 0.1.4)
    carrierwave (0.6.1)
      activemodel (>= 3.2.0)
      activesupport (>= 3.2.0)
    carrierwave-mongoid (0.1.3)
      carrierwave (>= 0.5.6)
      mongoid (~> 2.1)
    childprocess (0.3.1)
      ffi (~> 1.0.6)
    coderay (1.0.5)
    coffee-filter (0.1.1)
      coffee-script (>= 2.2.0)
      haml (>= 3.0.18)
    coffee-rails (3.2.2)
      coffee-script (>= 2.2.0)
      railties (~> 3.2.0)
    coffee-script (2.2.0)
      coffee-script-source
      execjs
    coffee-script-source (1.2.0)
    configuration (1.3.1)
    countries (0.8.2)
      currencies (= 0.4.0)
      currencies (>= 0.2.0)
    crack (0.1.8)
    createsend (1.0.3)
      hashie (~> 1.0)
      httparty (~> 0.8)
      json
    currencies (0.4.0)
    daemons (1.1.8)
    dalli (2.0.2)
    database_cleaner (0.7.2)
    devise (2.0.4)
      bcrypt-ruby (~> 3.0)
      orm_adapter (~> 0.0.3)
      railties (~> 3.1)
      warden (~> 1.1.1)
    devise_invitable (1.0.0)
      devise (~> 2.0.0)
      rails (~> 3.0)
    diff-lcs (1.1.3)
    eco (1.0.0)
      coffee-script
      eco-source
      execjs
    eco-source (1.1.0.rc.1)
    ejs (1.0.0)
    em-http-request (0.3.0)
      addressable (>= 2.0.0)
      escape_utils
      eventmachine (>= 0.12.9)
    em-websocket (0.3.6)
      addressable (>= 2.1.1)
      eventmachine (>= 0.12.9)
    erubis (2.7.0)
    escape_utils (0.2.4)
    eventmachine (0.12.10)
    excon (0.13.2)
    execjs (1.3.0)
      multi_json (~> 1.0)
    factory_girl (3.0.0)
      activesupport (>= 3.0.0)
    factory_girl_rails (3.0.0)
      factory_girl (~> 3.0.0)
      railties (>= 3.0.0)
    faraday (0.7.6)
      addressable (~> 2.2)
      multipart-post (~> 1.1)
      rack (~> 1.1)
    ffaker (1.14.0)
    ffi (1.0.11)
    fog (1.3.1)
      builder
      excon (~> 0.13.0)
      formatador (~> 0.2.0)
      mime-types
      multi_json (~> 1.0)
      net-scp (~> 1.0.4)
      net-ssh (>= 2.1.3)
      nokogiri (~> 1.5.0)
      ruby-hmac
    foreman (0.41.0)
      thor (>= 0.13.6)
    formatador (0.2.1)
    growl (1.0.3)
    guard (1.0.1)
      ffi (>= 0.5.0)
      thor (~> 0.14.6)
    guard-jasmine (1.1.0)
      childprocess
      guard (>= 0.8.3)
      multi_json
      thor
    guard-livereload (0.4.2)
      em-websocket (>= 0.2.0)
      guard (>= 0.10.0)
      multi_json (~> 1.0)
    guard-pow (0.2.1)
      guard (>= 0.3.0)
    guard-rspec (0.7.0)
      guard (>= 0.10.0)
    guard-spork (0.5.2)
      guard (>= 0.10.0)
      spork (>= 0.8.4)
    haml (3.1.4)
    haml_coffee_assets (0.7.1)
      execjs (>= 1.2.9)
      sprockets (>= 2.0.3)
      tilt (>= 1.3.3)
    has_scope (0.5.1)
    hashie (1.2.0)
    heroku (2.23.0)
      launchy (>= 0.3.2)
      netrc (~> 0.7.1)
      rest-client (~> 1.6.1)
      rubyzip
    hike (1.2.1)
    http_connection (1.4.1)
    httparty (0.8.1)
      multi_json
      multi_xml
    i18n (0.6.0)
    jasminerice (0.0.8)
      haml
    journey (1.0.3)
    json (1.6.6)
    jsonpath (0.5.0)
      multi_json
    kaminari (0.13.0)
      actionpack (>= 3.0.0)
      activesupport (>= 3.0.0)
      railties (>= 3.0.0)
    launchy (2.1.0)
      addressable (~> 2.2.6)
    libxml-ruby (2.2.2)
    liquid (2.2.2)
    mail (2.4.4)
      i18n (>= 0.4.0)
      mime-types (~> 1.16)
      treetop (~> 1.4.8)
    method_source (0.7.1)
    mime-types (1.18)
    money (4.0.2)
      i18n (~> 0.4)
      json
    mongo (1.6.1)
      bson (~> 1.6.1)
    mongoid (2.4.7)
      activemodel (~> 3.1)
      mongo (~> 1.3)
      tzinfo (~> 0.3.22)
    multi_json (1.2.0)
    multi_xml (0.4.2)
    multipart-post (1.1.5)
    net-scp (1.0.4)
      net-ssh (>= 1.99.1)
    net-ssh (2.3.0)
    netrc (0.7.1)
    newrelic_rpm (3.3.3)
    nokogiri (1.5.2)
    oauth (0.4.5)
    oauth-plugin (0.4.0.rc2)
      multi_json
      oauth (~> 0.4.4)
      oauth2
      rack
    oauth2 (0.5.2)
      faraday (~> 0.7)
      multi_json (~> 1.0)
    orm_adapter (0.0.7)
    paper_trail (2.6.3)
      activerecord (~> 3.0)
      railties (~> 3.0)
    pg (0.13.2)
    polyamorous (0.5.0)
      activerecord (~> 3.0)
    polyglot (0.3.3)
    powder (0.1.7)
      thor (>= 0.11.5)
    prototype-rails (3.2.1)
      rails (~> 3.2)
    prowl (0.1.3)
    pry (0.9.8.4)
      coderay (~> 1.0.5)
      method_source (~> 0.7.1)
      slop (>= 2.4.4, < 3)
    public_suffix (1.0.0)
    pusher (0.8.5)
      multi_json (~> 1.0)
      ruby-hmac (~> 0.4.0)
      signature (~> 0.1.2)
    rack (1.4.1)
    rack-cache (1.2)
      rack (>= 0.4)
    rack-google-analytics (0.9.2)
    rack-livereload (0.3.6)
      rack
    rack-ssl (1.3.2)
      rack
    rack-test (0.6.1)
      rack (>= 1.0)
    rails (3.2.3)
      actionmailer (= 3.2.3)
      actionpack (= 3.2.3)
      activerecord (= 3.2.3)
      activeresource (= 3.2.3)
      activesupport (= 3.2.3)
      bundler (~> 1.0)
      railties (= 3.2.3)
    rails-backbone (0.6.1)
      coffee-script (~> 2.2.0)
      ejs (~> 1.0.0)
      railties (>= 3.1.0)
    railties (3.2.3)
      actionpack (= 3.2.3)
      activesupport (= 3.2.3)
      rack-ssl (~> 1.3.2)
      rake (>= 0.8.7)
      rdoc (~> 3.4)
      thor (~> 0.14.6)
    rake (0.9.2.2)
    rdoc (3.12)
      json (~> 1.4)
    request-log-analyzer (1.12.2)
    responders (0.7.0)
      railties (~> 3.1)
    rest-client (1.6.7)
      mime-types (>= 1.16)
    rpm_contrib (2.1.8)
      newrelic_rpm (>= 3.1.1)
      newrelic_rpm (>= 3.1.1)
    rspec (2.9.0)
      rspec-core (~> 2.9.0)
      rspec-expectations (~> 2.9.0)
      rspec-mocks (~> 2.9.0)
    rspec-core (2.9.0)
    rspec-expectations (2.9.1)
      diff-lcs (~> 1.1.3)
    rspec-mocks (2.9.0)
    rspec-rails (2.9.0)
      actionpack (>= 3.0)
      activesupport (>= 3.0)
      railties (>= 3.0)
      rspec (~> 2.9.0)
    ruby-hmac (0.4.0)
    rubyzip (0.9.6.1)
    sass (3.1.15)
    sass-rails (3.2.5)
      railties (~> 3.2.0)
      sass (>= 3.1.10)
      tilt (~> 1.3)
    selenium-webdriver (2.20.0)
      childprocess (>= 0.2.5)
      ffi (~> 1.0)
      multi_json (~> 1.0)
      rubyzip
    settingslogic (2.0.6)
    shoulda-matchers (1.0.0)
    show_me_the_cookies (1.1.0)
      capybara (~> 1.0)
    signature (0.1.2)
      ruby-hmac
    silent-postgres (0.1.1)
    simple_oauth (0.1.5)
    slop (2.4.4)
    snail (0.5.7)
    spork (0.9.0)
    sprockets (2.1.2)
      hike (~> 1.2)
      rack (~> 1.0)
      tilt (~> 1.1, != 1.3.0)
    squeel (0.9.5)
      activerecord (~> 3.0)
      activesupport (~> 3.0)
      polyamorous (~> 0.5.0)
    stat_request_parser (1.1.0)
      activesupport (>= 3.0.0)
    state_machine (1.1.2)
    sublimevideo_layout (0.4.1)
      coffee-rails (~> 3.2.0)
      haml
      prototype-rails (~> 3.2.0)
      rails (~> 3.2.0)
    thin (1.3.1)
      daemons (>= 1.0.9)
      eventmachine (>= 0.12.6)
      rack (>= 1.0.0)
    thor (0.14.6)
    tilt (1.3.3)
    timecop (0.3.5)
    treetop (1.4.10)
      polyglot
      polyglot (>= 0.3.1)
    twitter (2.1.1)
      activesupport (>= 2.3.9, < 4)
      faraday (~> 0.7)
      multi_json (~> 1.0)
      simple_oauth (~> 0.1)
    typhoeus (0.2.4)
      mime-types
      mime-types
    tzinfo (0.3.32)
    uglifier (1.2.4)
      execjs (>= 0.3.0)
      multi_json (>= 1.0.2)
    uniquify (0.1.0)
    uuidtools (2.1.2)
    vcr (1.10.3)
    warden (1.1.1)
      rack (>= 1.0)
    webmock (1.6.4)
      addressable (~> 2.2, > 2.2.5)
      crack (>= 0.1.7)
    wirble (0.1.3)
    xml-simple (1.0.16)
    xpath (0.1.4)
      nokogiri (~> 1.3)
    zip (2.0.2)

PLATFORMS
  ruby

DEPENDENCIES
  PageRankr (~> 3.1.0)
  activemerchant!
  acts_as_api (~> 0.3.10)
  addressable (~> 2.2.6)
  airbrake (~> 3.0.5)
  annotate!
  array_stats (~> 0.6.0)
  asset_sync
  aws (~> 2.5.6)
  bson (~> 1.6.0)
  bson_ext (~> 1.6.0)
  capybara
  carrierwave (~> 0.6.0)
  carrierwave-mongoid (~> 0.1.1)
  coffee-filter (~> 0.1.1)
  coffee-rails (~> 3.2.0)
  configuration (~> 1.3.1)
  countries (~> 0.8.2)
  crack (~> 0.1.8)
  createsend (~> 1.0.0)
  dalli (~> 2.0.0)
  database_cleaner
  delayed_job!
  devise (~> 2.0.1)
  devise_invitable (~> 1.0.0)
  eco
  em-http-request
  execjs
  factory_girl
  factory_girl_rails
  ffaker
  fog (~> 1.3.1)
  foreman
  growl
  guard-jasmine
  guard-livereload
  guard-pow
  guard-rspec
  guard-spork
  haml (~> 3.1.3)
  haml_coffee_assets (= 0.7.1)
  has_scope (~> 0.5.1)
  heroku
  jasminerice
  kaminari (~> 0.13.0)
  letter_opener!
  libxml-ruby (~> 2.2.0)
  liquid (~> 2.2.2)
  mime-types
  mongo (~> 1.6.0)
  mongoid (~> 2.4.7)
  newrelic_rpm
  oauth (~> 0.4.5)
  oauth-plugin (~> 0.4.0.pre7)
  paper_trail (~> 2.6.0)
  pg (~> 0.13.0)
  powder
  prototype-rails (~> 3.2.1)
  prowl (~> 0.1.3)
  pry
  public_suffix (~> 1.0.0)
  pusher (~> 0.8.3)
  rack-google-analytics (~> 0.9.2)
  rack-livereload
  rails (= 3.2.3)
  rails-backbone (~> 0.6.0)
  request-log-analyzer (~> 1.12.0)
  rescue_me (~> 0.1.1)!
  responders (~> 0.7.0)
  rpm_contrib
  rspec-rails
  sass-rails (~> 3.2.0)
  settingslogic (= 2.0.6)
  shoulda-matchers
  show_me_the_cookies
  silent-postgres
  snail (~> 0.5.7)
  spork (~> 0.9.0)
  squeel (~> 0.9.5)
  stat_request_parser (~> 1.1.0)
  state_machine (~> 1.1.2)
  sublimevideo_layout
  thin
  timecop
  twitter (~> 2.1.0)
  typhoeus (~> 0.2.0)
  uglifier
  uniquify (~> 0.1.0)
  useragent!
  vcr (~> 1.10.3)
  voxel_hapi!
  webmock (~> 1.6.0)
  wirble
  zip (~> 2.0.2)
