GIT
  remote: git://github.com/amatsuda/kaminari.git
  revision: f41de10abb1079bfccefbcbef691c8a5388901f3
  specs:
    kaminari (0.12.4)
      railties (>= 3.0.0)

GIT
  remote: git://github.com/ctran/annotate_models.git
  revision: ab62e8c131c9a67d687fa23ed5ee05c3bf450852
  specs:
    annotate (2.4.1.beta1)

GIT
  remote: git://github.com/guard/guard-spork.git
  revision: c09ea7dbad924d55c3b4a900f23b7d0341649ae9
  specs:
    guard-spork (0.3.2)
      guard (>= 0.8.4)
      spork (>= 0.8.4)

GIT
  remote: git://github.com/jilion/useragent.git
  revision: bc6ab85b0d7afc76504bf6fa3763130dad9d3e7c
  specs:
    useragent (0.2.3)

GIT
  remote: git://github.com/rymai/active_merchant.git
  revision: 66e1960276f3e7248ecfba969b7a6d341f1aab18
  branch: 3ds_from_ZenCocoon
  specs:
    activemerchant (1.18.1)
      active_utils (>= 1.0.1)
      activesupport (>= 2.3.11)
      braintree (>= 2.0.0)
      builder (>= 2.0.0)
      i18n
      money

GIT
  remote: git://github.com/thibaudgg/voxel_hapi.git
  revision: 590c89b458e21be52825ea9f7532182c68310715
  branch: 1.9.2
  specs:
    voxel_hapi (1.1.1)
      libxml-ruby (~> 2.2.0)
      rescue_me (~> 0.1.0)
      xml-simple (~> 1.0.12)

PATH
  remote: vendor/sv_stat_request_parser
  specs:
    stat_request_parser (0.0.1)
      activesupport (>= 3.0.0)

GEM
  remote: http://rubygems.org/
  specs:
    PageRankr (3.0.2)
      json (>= 1.4.6)
      jsonpath (>= 0.4.2)
      nokogiri (>= 1.4.1)
      public_suffix_service (>= 0.9.0)
      typhoeus (>= 0.2.1)
    RedCloth (4.2.8)
    actionmailer (3.1.3)
      actionpack (= 3.1.3)
      mail (~> 2.3.0)
    actionpack (3.1.3)
      activemodel (= 3.1.3)
      activesupport (= 3.1.3)
      builder (~> 3.0.0)
      erubis (~> 2.7.0)
      i18n (~> 0.6)
      rack (~> 1.3.5)
      rack-cache (~> 1.1)
      rack-mount (~> 0.8.2)
      rack-test (~> 0.6.1)
      sprockets (~> 2.0.3)
    active_utils (1.0.1)
      activesupport (>= 2.3.11)
      i18n
    activemodel (3.1.3)
      activesupport (= 3.1.3)
      builder (~> 3.0.0)
      i18n (~> 0.6)
    activerecord (3.1.3)
      activemodel (= 3.1.3)
      activesupport (= 3.1.3)
      arel (~> 2.2.1)
      tzinfo (~> 0.3.29)
    activeresource (3.1.3)
      activemodel (= 3.1.3)
      activesupport (= 3.1.3)
    activesupport (3.1.3)
      multi_json (~> 1.0)
    acts_as_api (0.3.11)
      activemodel (>= 3.0.0)
      activesupport (>= 3.0.0)
      rack (>= 1.1.0)
    addressable (2.2.6)
    airbrake (3.0.5)
      activesupport
      builder
    arel (2.2.1)
    array_stats (0.6.0)
    asset_sync (0.2.1)
      activemodel
      fog
    aws (2.5.6)
      http_connection
      uuidtools
      xml-simple
    bcrypt-ruby (3.0.1)
    braintree (2.13.1)
      builder (>= 2.0.0)
    bson (1.3.1)
    bson_ext (1.3.1)
    builder (3.0.0)
    capybara (1.1.2)
      mime-types (>= 1.16)
      nokogiri (>= 1.3.3)
      rack (>= 1.0.0)
      rack-test (>= 0.5.4)
      selenium-webdriver (~> 2.0)
      xpath (~> 0.1.4)
    carrierwave (0.5.8)
      activesupport (~> 3.0)
    carrierwave-mongoid (0.1.3)
      carrierwave (>= 0.5.6)
      mongoid (~> 2.1)
    childprocess (0.2.2)
      ffi (~> 1.0.6)
    coderay (1.0.4)
    coffee-filter (0.1.1)
      coffee-script (>= 2.2.0)
      haml (>= 3.0.18)
    coffee-rails (3.1.1)
      coffee-script (>= 2.2.0)
      railties (~> 3.1.0)
    coffee-script (2.2.0)
      coffee-script-source
      execjs
    coffee-script-source (1.1.3)
    configuration (1.3.1)
    countries (0.6.3)
      currencies (= 0.4.0)
      currencies (>= 0.2.0)
    crack (0.1.8)
    createsend (1.0.2)
      hashie (~> 1.0)
      httparty (~> 0.8)
      json
    currencies (0.4.0)
    daemons (1.1.4)
    dalli (1.1.3)
    database_cleaner (0.7.0)
    delayed_job (2.1.4)
      activesupport (~> 3.0)
      daemons
    devise (1.5.1)
      bcrypt-ruby (~> 3.0)
      orm_adapter (~> 0.0.3)
      warden (~> 1.1)
    devise_invitable (0.6.0)
      devise (>= 1.4.6, < 1.6)
      rails (>= 3.0.0, < 3.2)
    diff-lcs (1.1.3)
    eco (1.0.0)
      coffee-script
      eco-source
      execjs
    eco-source (1.1.0.rc.1)
    ejs (1.0.0)
    em-http-request (0.3.0)
      addressable (>= 2.0.0)
      escape_utils
      eventmachine (>= 0.12.9)
    em-websocket (0.3.5)
      addressable (>= 2.1.1)
      eventmachine (>= 0.12.9)
    erubis (2.7.0)
    escape_utils (0.2.4)
    eventmachine (0.12.10)
    excon (0.7.6)
    execjs (1.2.9)
      multi_json (~> 1.0)
    factory_girl (2.3.0)
      activesupport
    factory_girl_rails (1.4.0)
      factory_girl (~> 2.3.0)
      railties (>= 3.0.0)
    faraday (0.7.5)
      addressable (~> 2.2.6)
      multipart-post (~> 1.1.3)
      rack (>= 1.1.0, < 2)
    faraday_middleware (0.7.0)
      faraday (~> 0.7.3)
    ffaker (1.10.1)
    ffi (1.0.11)
    fog (1.0.0)
      builder
      excon (~> 0.7.3)
      formatador (~> 0.2.0)
      mime-types
      multi_json (~> 1.0.3)
      net-scp (~> 1.0.4)
      net-ssh (~> 2.1.4)
      nokogiri (~> 1.5.0)
      ruby-hmac
    foreman (0.26.1)
      term-ansicolor (~> 1.0.5)
      thor (>= 0.13.6)
    formatador (0.2.1)
    fuubar (0.0.6)
      rspec (~> 2.0)
      rspec-instafail (~> 0.1.8)
      ruby-progressbar (~> 0.0.10)
    growl_notify (0.0.3)
      rb-appscript
    guard (0.8.8)
      thor (~> 0.14.6)
    guard-bundler (0.1.3)
      bundler (>= 1.0.0)
      guard (>= 0.2.2)
    guard-coffeescript (0.5.2)
      coffee-script (>= 2.2.0)
      guard (>= 0.8.3)
    guard-jasmine (0.8.4)
      guard (>= 0.8.3)
      multi_json (~> 1.0.3)
      rack (~> 1.3.5)
      thor (~> 0.14.6)
      version (~> 1.0.0)
    guard-livereload (0.3.1)
      em-websocket (>= 0.2.0)
      guard (>= 0.4.0)
      multi_json (~> 1.0.3)
    guard-pow (0.2.1)
      guard (>= 0.3.0)
    guard-rspec (0.5.5)
      guard (>= 0.8.4)
    guard-yard (1.0.2)
      guard (>= 0.2.2)
      yard (>= 0.7.0)
    haml (3.1.3)
    haml-coderay (0.1.2)
      coderay
      haml
    haml_coffee_assets (0.2.5)
      execjs (~> 1.2.9)
      rails (>= 3.1)
    has_scope (0.5.1)
    hashie (1.1.0)
    heroku (2.14.0)
      launchy (>= 0.3.2)
      rest-client (~> 1.6.1)
      rubyzip
      term-ansicolor (~> 1.0.5)
    hike (1.2.1)
    http_connection (1.4.1)
    httparty (0.8.1)
      multi_json
      multi_xml
    i18n (0.6.0)
    jasminerice (0.0.8)
      haml
    jquery-rails (1.0.18)
      railties (~> 3.0)
      thor (~> 0.14)
    json (1.6.1)
    json_pure (1.6.1)
    jsonpath (0.4.2)
      multi_json
    launchy (2.0.5)
      addressable (~> 2.2.6)
    libxml-ruby (2.2.2)
    liquid (2.2.2)
    log_buddy (0.6.0)
    mail (2.3.0)
      i18n (>= 0.4.0)
      mime-types (~> 1.16)
      treetop (~> 1.4.8)
    mime-types (1.17.2)
    money (4.0.1)
      i18n (~> 0.4)
      json
    mongo (1.3.1)
      bson (>= 1.3.1)
    mongoid (2.3.3)
      activemodel (~> 3.1)
      mongo (~> 1.3)
      tzinfo (~> 0.3.22)
    multi_json (1.0.3)
    multi_xml (0.4.1)
    multipart-post (1.1.3)
    net-scp (1.0.4)
      net-ssh (>= 1.99.1)
    net-ssh (2.1.4)
    nokogiri (1.5.0)
    oauth (0.4.5)
    oauth-plugin (0.4.0.rc2)
      multi_json
      oauth (~> 0.4.4)
      oauth2
      rack
    oauth2 (0.5.1)
      faraday (~> 0.7.4)
      multi_json (~> 1.0.3)
    orm_adapter (0.0.5)
    paper_trail (2.4.1)
      rails (~> 3)
    pg (0.11.0)
    polyamorous (0.5.0)
      activerecord (~> 3.0)
    polyglot (0.3.3)
    powder (0.1.7)
      thor (>= 0.11.5)
    prototype-rails (3.1.0)
      rails (~> 3.1)
    prowl (0.1.3)
    public_suffix_service (0.9.0)
    pusher (0.8.4)
      crack (~> 0.1.0)
      multi_json (~> 1.0)
      ruby-hmac (~> 0.4.0)
      signature (~> 0.1.2)
    rack (1.3.5)
    rack-cache (1.1)
      rack (>= 0.4)
    rack-google-analytics (0.9.2)
    rack-livereload (0.3.0)
      rack
    rack-mount (0.8.3)
      rack (>= 1.0.0)
    rack-no-www (0.0.2)
    rack-ssl (1.3.2)
      rack
    rack-ssl-enforcer (0.2.4)
    rack-test (0.6.1)
      rack (>= 1.0)
    rails (3.1.3)
      actionmailer (= 3.1.3)
      actionpack (= 3.1.3)
      activerecord (= 3.1.3)
      activeresource (= 3.1.3)
      activesupport (= 3.1.3)
      bundler (~> 1.0)
      railties (= 3.1.3)
    rails-backbone (0.5.4)
      coffee-script (~> 2.2.0)
      ejs (~> 1.0.0)
      rails (~> 3.1.0)
    rails-dev-tweaks (0.5.1)
      rails (~> 3.1.0)
    railties (3.1.3)
      actionpack (= 3.1.3)
      activesupport (= 3.1.3)
      rack-ssl (~> 1.3.2)
      rake (>= 0.8.7)
      rdoc (~> 3.4)
      thor (~> 0.14.6)
    rake (0.9.2.2)
    rb-appscript (0.6.1)
    rb-fsevent (0.9.0.pre3)
    rdoc (3.11)
      json (~> 1.4)
    request-log-analyzer (1.11.1)
    rescue_me (0.1.0)
    responders (0.6.4)
    rest-client (1.6.7)
      mime-types (>= 1.16)
    rspec (2.7.0)
      rspec-core (~> 2.7.0)
      rspec-expectations (~> 2.7.0)
      rspec-mocks (~> 2.7.0)
    rspec-core (2.7.1)
    rspec-expectations (2.7.0)
      diff-lcs (~> 1.1.2)
    rspec-instafail (0.1.9)
    rspec-mocks (2.7.0)
    rspec-rails (2.7.0)
      actionpack (~> 3.0)
      activesupport (~> 3.0)
      railties (~> 3.0)
      rspec (~> 2.7.0)
    ruby-graphviz (1.0.0)
    ruby-hmac (0.4.0)
    ruby-progressbar (0.0.10)
    rubyzip (0.9.4)
    sass (3.1.10)
    sass-rails (3.1.5)
      actionpack (~> 3.1.0)
      railties (~> 3.1.0)
      sass (~> 3.1.10)
      tilt (~> 1.3.2)
    selenium-webdriver (2.13.0)
      childprocess (>= 0.2.1)
      ffi (~> 1.0.9)
      json_pure
      rubyzip
    sequel (3.20.0)
    settingslogic (2.0.6)
    shoulda-matchers (1.0.0)
    signature (0.1.2)
      ruby-hmac
    silent-postgres (0.1.1)
    simple_oauth (0.1.5)
    sinatra (1.0)
      rack (>= 1.0)
    snail (0.5.7)
    spork (0.9.0.rc9)
    sprockets (2.0.3)
      hike (~> 1.2)
      rack (~> 1.0)
      tilt (~> 1.1, != 1.3.0)
    sqlite3 (1.3.4)
    sqlite3-ruby (1.3.3)
      sqlite3 (>= 1.3.3)
    squeel (0.9.3)
      activerecord (~> 3.0)
      activesupport (~> 3.0)
      polyamorous (~> 0.5.0)
    state_machine (1.1.0)
    taps (0.3.23)
      rack (>= 1.0.1)
      rest-client (>= 1.4.0, < 1.7.0)
      sequel (~> 3.20.0)
      sinatra (~> 1.0.0)
      sqlite3-ruby (~> 1.2)
    term-ansicolor (1.0.7)
    thin (1.3.1)
      daemons (>= 1.0.9)
      eventmachine (>= 0.12.6)
      rack (>= 1.0.0)
    thor (0.14.6)
    tilt (1.3.3)
    timecop (0.3.5)
    treetop (1.4.10)
      polyglot
      polyglot (>= 0.3.1)
    twitter (1.7.2)
      faraday (~> 0.7.4)
      faraday_middleware (~> 0.7.0)
      hashie (~> 1.1.0)
      multi_json (~> 1.0.0)
      multi_xml (~> 0.4.0)
      simple_oauth (~> 0.1.5)
    typhoeus (0.2.4)
      mime-types
      mime-types
    tzinfo (0.3.31)
    uglifier (1.1.0)
      execjs (>= 0.3.0)
      multi_json (>= 1.0.2)
    uniquify (0.1.0)
    uuidtools (2.1.2)
    vcr (1.10.3)
    version (1.0.0)
    warden (1.1.0)
      rack (>= 1.0)
    webmock (1.6.4)
      addressable (~> 2.2, > 2.2.5)
      crack (>= 0.1.7)
    wirble (0.1.3)
    xml-simple (1.0.16)
    xpath (0.1.4)
      nokogiri (~> 1.3)
    yard (0.7.3)
    zip (2.0.2)

PLATFORMS
  ruby

DEPENDENCIES
  PageRankr (~> 3.0.1)
  RedCloth (~> 4.2.8)
  activemerchant!
  acts_as_api (~> 0.3.10)
  addressable (~> 2.2.6)
  airbrake (~> 3.0.5)
  annotate!
  array_stats (~> 0.6.0)
  asset_sync
  aws (~> 2.5.6)
  bson (~> 1.3.0)
  bson_ext (~> 1.3.0)
  capybara
  carrierwave (~> 0.5.7)
  carrierwave-mongoid (~> 0.1.1)
  coderay (~> 1.0.4)
  coffee-filter (~> 0.1.1)
  coffee-rails (~> 3.1.1)
  configuration (~> 1.3.1)
  countries (~> 0.6.2)
  crack (~> 0.1.8)
  createsend (~> 1.0.0)
  dalli (~> 1.1.3)
  database_cleaner
  delayed_job (~> 2.1.4)
  devise (~> 1.5.1)
  devise_invitable (~> 0.6.0)
  eco
  em-http-request
  execjs
  factory_girl_rails
  ffaker
  fog (~> 1.0.0)
  foreman
  fuubar
  growl_notify
  guard-bundler
  guard-coffeescript
  guard-jasmine
  guard-livereload
  guard-pow
  guard-rspec
  guard-spork!
  guard-yard
  haml (~> 3.1.3)
  haml-coderay (~> 0.1.2)
  haml_coffee_assets
  has_scope (~> 0.5.1)
  heroku
  jasminerice
  jquery-rails
  kaminari!
  libxml-ruby (~> 2.2.0)
  liquid (~> 2.2.2)
  log_buddy
  mongo (~> 1.3.0)
  mongoid (~> 2.3.3)
  oauth (~> 0.4.5)
  oauth-plugin (~> 0.4.0.pre7)
  paper_trail (~> 2.4.0)
  pg (~> 0.11.0)
  powder
  prototype-rails
  prowl (~> 0.1.3)
  public_suffix_service (~> 0.9.0)
  pusher (~> 0.8.3)
  rack-cache
  rack-google-analytics (~> 0.9.2)
  rack-livereload
  rack-no-www
  rack-ssl-enforcer (~> 0.2.3)
  rails (= 3.1.3)
  rails-backbone
  rails-dev-tweaks (~> 0.5.0)
  rb-fsevent (= 0.9.0.pre3)
  request-log-analyzer (~> 1.11.1)
  rescue_me (~> 0.1.0)
  responders (~> 0.6.4)
  rspec-rails (~> 2.7.0)
  ruby-graphviz
  sass-rails (~> 3.1.5)
  settingslogic (~> 2.0.6)
  shoulda-matchers
  silent-postgres
  snail (~> 0.5.7)
  spork (~> 0.9.0.rc9)
  squeel (~> 0.9.2)
  stat_request_parser!
  state_machine (~> 1.1.0)
  taps
  thin
  timecop
  twitter (~> 1.7.2)
  typhoeus (~> 0.2.0)
  uglifier
  uniquify (~> 0.1.0)
  useragent!
  vcr (~> 1.10.3)
  voxel_hapi!
  webmock (~> 1.6.0)
  wirble
  zip (~> 2.0.2)
