GIT
  remote: git://github.com/Jilion/useragent.git
  revision: 21e6adc4ff0c41d6dacc9291f35c179b2440fa68
  specs:
    useragent (0.2.3)

GIT
  remote: git://github.com/rymai/devise_invitable.git
  revision: 5c15b171742b4e33cbaf6be602b9f030dc37f8a5
  specs:
    devise_invitable (0.6.7)
      devise (~> 1.1.2)
      rails (~> 3.0.0)

GIT
  remote: git://github.com/rymai/has_scope.git
  revision: 905797803aa5d3da24505d4b9b07c647cbdd8e6d
  specs:
    has_scope (0.5.0)

GIT
  remote: git://github.com/thibaudgg/rack-ssl-enforcer.git
  revision: ae9144615d16fb59f19eef0ea9f0dbd88be14857
  specs:
    rack-ssl-enforcer (0.2.0)

GIT
  remote: git://github.com/thibaudgg/voxel_hapi.git
  revision: f82d1d11506ca4424b872a27cca22d71479a8633
  branch: 1.9.2
  specs:
    voxel_hapi (1.1.1)
      bundler (~> 1.0.0)
      libxml-ruby (~> 1.1.3)
      rescue_me (~> 0.1.0)
      xml-simple (~> 1.0.12)

GEM
  remote: http://rubygems.org/
  specs:
    PageRankr (1.4.3)
      nokogiri (>= 1.4.1)
    RedCloth (4.2.3)
    abstract (1.0.0)
    actionmailer (3.0.4)
      actionpack (= 3.0.4)
      mail (~> 2.2.15)
    actionpack (3.0.4)
      activemodel (= 3.0.4)
      activesupport (= 3.0.4)
      builder (~> 2.1.2)
      erubis (~> 2.6.6)
      i18n (~> 0.4)
      rack (~> 1.2.1)
      rack-mount (~> 0.6.13)
      rack-test (~> 0.5.7)
      tzinfo (~> 0.3.23)
    activemerchant (1.9.4)
      activesupport (>= 2.3.2)
      braintree (>= 2.0.0)
      builder (>= 2.0.0)
    activemodel (3.0.4)
      activesupport (= 3.0.4)
      builder (~> 2.1.2)
      i18n (~> 0.4)
    activerecord (3.0.4)
      activemodel (= 3.0.4)
      activesupport (= 3.0.4)
      arel (~> 2.0.2)
      tzinfo (~> 0.3.23)
    activeresource (3.0.4)
      activemodel (= 3.0.4)
      activesupport (= 3.0.4)
    activesupport (3.0.4)
    addressable (2.2.4)
    annotate (2.4.0)
    arel (2.0.8)
    array_stats (0.6.0)
    aws (2.3.34)
      activesupport
      http_connection
      uuidtools
      xml-simple
    bcrypt-ruby (2.1.4)
    braintree (2.7.0)
      builder
    bson (1.2.0)
    bson_ext (1.2.0)
    builder (2.1.2)
    capybara (0.4.1.1)
      celerity (>= 0.7.9)
      culerity (>= 0.2.4)
      mime-types (>= 1.16)
      nokogiri (>= 1.3.3)
      rack (>= 1.0.0)
      rack-test (>= 0.5.4)
      selenium-webdriver (>= 0.0.27)
      xpath (~> 0.1.3)
    carrierwave (0.5.1)
      activesupport (~> 3.0)
    celerity (0.8.7)
    childprocess (0.1.6)
      ffi (~> 0.6.3)
    closure-compiler (1.0.0)
    configuration (1.2.0)
    countries (0.3.0)
      currencies (>= 0.2.0)
    crack (0.1.8)
    culerity (0.2.15)
    currencies (0.2.1)
    daemon_controller (0.2.5)
    daemons (1.1.0)
    dalli (1.0.2)
    database_cleaner (0.6.2)
    delayed_job (2.1.3)
      activesupport (~> 3.0)
      daemons
    devise (1.1.5)
      bcrypt-ruby (~> 2.1.2)
      warden (~> 1.0.2)
    diff-lcs (1.1.2)
    erubis (2.6.6)
      abstract (>= 1.0.0)
    excon (0.4.0)
    factory_girl (1.3.3)
    factory_girl_rails (1.0.1)
      factory_girl (~> 1.3)
      railties (>= 3.0.0)
    fastthread (1.0.7)
    ffaker (1.2.0)
    ffi (0.6.3)
      rake (>= 0.8.7)
    file-tail (1.0.5)
      spruz (>= 0.1.0)
    fog (0.5.1)
      builder
      excon (>= 0.4.0)
      formatador (>= 0.0.16)
      json
      mime-types
      net-ssh (>= 2.0.23)
      nokogiri (>= 1.4.4)
      ruby-hmac
    formatador (0.0.16)
    growl (1.0.3)
    guard (0.3.0)
      open_gem (~> 1.4.2)
      thor (~> 0.14.6)
    guard-passenger (0.2.1)
      guard (~> 0.3)
    guard-rspec (0.1.9)
      guard (>= 0.2.2)
    guard-spork (0.1.3)
      guard (>= 0.2.0)
      spork (>= 0.8.4)
    haml (3.0.25)
    heroku (1.15.1)
      json_pure (>= 1.2.0, < 1.5.0)
      launchy (~> 0.3.2)
      rest-client (>= 1.4.0, < 1.7.0)
    heroku_tasks (0.1.4)
    hoptoad_notifier (2.4.5)
      activesupport
      builder
    http_connection (1.4.0)
    i18n (0.4.2)
    jammit (0.6.0)
      closure-compiler (>= 0.1.0)
      yui-compressor (>= 0.9.1)
    json (1.4.6)
    json_pure (1.4.6)
    launchy (0.3.7)
      configuration (>= 0.0.5)
      rake (>= 0.8.1)
    libxml-ruby (1.1.4)
    liquid (2.2.2)
    mail (2.2.15)
      activesupport (>= 2.3.6)
      i18n (>= 0.4.0)
      mime-types (~> 1.16)
      treetop (~> 1.4.8)
    meta_where (0.9.10)
      activerecord (~> 3.0.2)
      activesupport (~> 3.0.2)
      arel (~> 2.0.2)
    mime-types (1.16)
    mongo (1.2.0)
      bson (>= 1.2.0)
    mongoid (2.0.0.beta.20)
      activemodel (~> 3.0)
      mongo (~> 1.1)
      tzinfo (~> 0.3.22)
      will_paginate (~> 3.0.pre)
    net-ssh (2.1.0)
    nokogiri (1.4.4)
    open_gem (1.4.2)
      launchy (~> 0.3.5)
    passenger (3.0.2)
      daemon_controller (>= 0.2.5)
      fastthread (>= 1.0.1)
      file-tail
      rack
      rake (>= 0.8.1)
    pg (0.10.1)
    polyglot (0.3.1)
    prowl (0.1.3)
    public_suffix_service (0.6.0)
    rack (1.2.1)
    rack-google-analytics (0.9.2)
    rack-mount (0.6.13)
      rack (>= 1.0.0)
    rack-private (0.1.5)
    rack-test (0.5.7)
      rack (>= 1.0)
    rails (3.0.4)
      actionmailer (= 3.0.4)
      actionpack (= 3.0.4)
      activerecord (= 3.0.4)
      activeresource (= 3.0.4)
      activesupport (= 3.0.4)
      bundler (~> 1.0)
      railties (= 3.0.4)
    railties (3.0.4)
      actionpack (= 3.0.4)
      activesupport (= 3.0.4)
      rake (>= 0.8.7)
      thor (~> 0.14.4)
    rake (0.8.7)
    rb-fsevent (0.3.10)
    request-log-analyzer (1.9.10)
    rescue_me (0.1.0)
    responders (0.6.2)
    rest-client (1.6.1)
      mime-types (>= 1.16)
    rspec (2.5.0)
      rspec-core (~> 2.5.0)
      rspec-expectations (~> 2.5.0)
      rspec-mocks (~> 2.5.0)
    rspec-core (2.5.1)
    rspec-expectations (2.5.0)
      diff-lcs (~> 1.1.2)
    rspec-mocks (2.5.0)
    rspec-rails (2.5.0)
      actionpack (~> 3.0)
      activesupport (~> 3.0)
      railties (~> 3.0)
      rspec (~> 2.5.0)
    ruby-graphviz (0.9.20)
    ruby-hmac (0.4.0)
    rubyzip (0.9.4)
    selenium-webdriver (0.1.2)
      childprocess (~> 0.1.5)
      ffi (~> 0.6.3)
      json_pure
      rubyzip
    sequel (3.17.0)
    shoulda (2.11.3)
    sinatra (1.0)
      rack (>= 1.0)
    spork (0.9.0.rc3)
    spruz (0.2.2)
    sqlite3 (1.3.3)
    sqlite3-ruby (1.3.3)
      sqlite3 (>= 1.3.3)
    state_machine (0.9.4)
    steak (1.0.0.rc.2)
      rspec
    taps (0.3.15)
      json (~> 1.4.6)
      rack (>= 1.0.1)
      rest-client (>= 1.4.0, < 1.7.0)
      sequel (~> 3.17.0)
      sinatra (~> 1.0.0)
      sqlite3-ruby (~> 1.2)
    thor (0.14.6)
    timecop (0.3.5)
    treetop (1.4.9)
      polyglot (>= 0.3.1)
    tzinfo (0.3.24)
    uniquify (0.1.0)
    uuidtools (2.1.2)
    vcr (1.6.0)
    warden (1.0.3)
      rack (>= 1.0.0)
    webmock (1.6.2)
      addressable (>= 2.2.2)
      crack (>= 0.1.7)
    will_paginate (3.0.pre2)
    wirble (0.1.3)
    xml-simple (1.0.14)
    xpath (0.1.3)
      nokogiri (~> 1.3)
    yui-compressor (0.9.3)
    zip (2.0.2)

PLATFORMS
  ruby

DEPENDENCIES
  PageRankr (~> 1.4.3)
  RedCloth (~> 4.2.3)
  activemerchant (~> 1.9.0)
  addressable (~> 2.2.2)
  annotate (~> 2.4.0)
  array_stats (~> 0.6.0)
  aws (~> 2.3.34)
  bson_ext (~> 1.2.0)
  bundler (~> 1.0)
  capybara (~> 0.4.0)
  carrierwave (~> 0.5.0)
  configuration (~> 1.2.0)
  countries (~> 0.3.0)
  dalli (~> 1.0.2)
  database_cleaner
  delayed_job (~> 2.1.3)
  devise (~> 1.1.3)
  devise_invitable!
  factory_girl_rails (~> 1.0.0)
  ffaker (>= 0.4.0)
  fog (~> 0.5.1)
  growl
  guard
  guard-passenger
  guard-rspec
  guard-spork
  haml (~> 3.0.22)
  has_scope!
  heroku (~> 1.15.1)
  heroku_tasks (~> 0.1.4)
  hoptoad_notifier (~> 2.4.5)
  jammit (~> 0.6.0)
  libxml-ruby (~> 1.1.3)
  liquid (~> 2.2.2)
  meta_where (~> 0.9.5)
  mongo (~> 1.2.0)
  mongoid (= 2.0.0.beta.20)
  passenger
  pg (~> 0.10.0)
  prowl (~> 0.1.3)
  public_suffix_service (~> 0.6.0)
  rack (~> 1.2.1)
  rack-google-analytics (~> 0.9.2)
  rack-private (~> 0.1.5)
  rack-ssl-enforcer!
  rails (~> 3.0.4)
  rb-fsevent
  request-log-analyzer (~> 1.9.6)
  rescue_me (~> 0.1.0)
  responders (~> 0.6.2)
  rspec-rails (~> 2.5.0)
  ruby-graphviz
  shoulda (~> 2.11.3)
  spork (~> 0.9.0.rc3)
  state_machine (~> 0.9.4)
  steak (= 1.0.0.rc.2)
  taps (~> 0.3.14)
  timecop (~> 0.3.5)
  uniquify (~> 0.1.0)
  useragent!
  vcr (~> 1.6.0)
  voxel_hapi!
  webmock (~> 1.6.1)
  will_paginate (~> 3.0.pre2)
  wirble (~> 0.1.3)
  zip (~> 2.0.2)
