GIT
  remote: git://github.com/guard/guard.git
  revision: 48b9c2b824f526175632e047cfbd5bfd30195928
  specs:
    guard (0.2.2)
      open_gem (~> 1.4.2)
      thor (~> 0.14.6)

GIT
  remote: git://github.com/huerlisi/PDFKit.git
  revision: 7fd74e36a81af03533fb8f42611458dd9bec7fc6
  specs:
    pdfkit (0.5.0)

GIT
  remote: git://github.com/rymai/active_merchant.git
  revision: 9487be4458b762b74d70bf9d6b18dd19c5b1433a
  specs:
    activemerchant (1.9.2)
      activesupport (>= 2.3.2)
      braintree (>= 2.0.0)
      builder (>= 2.0.0)

GIT
  remote: git://github.com/rymai/devise.git
  revision: 83c43d76278dbad6428e3472d06efb8b63d5480c
  branch: spork
  specs:
    devise (1.1.5)
      bcrypt-ruby (~> 2.1.2)
      warden (~> 1.0.2)

GIT
  remote: git://github.com/rymai/devise_invitable.git
  revision: 8b0cd0caf1e5ee30aab07602ff3b62f9be2cb0a4
  specs:
    devise_invitable (0.6.7)
      devise (~> 1.1.2)
      rails (~> 3.0.0)

GIT
  remote: git://github.com/rymai/has_scope.git
  revision: 905797803aa5d3da24505d4b9b07c647cbdd8e6d
  specs:
    has_scope (0.5.0)

GIT
  remote: git://github.com/thibaudgg/mongoid.git
  revision: d72d5b5ecb0c0ffaf26cb7de5297006174e230f6
  branch: spork
  specs:
    mongoid (2.0.0.beta.20)
      activemodel (~> 3.0)
      mongo (~> 1.1)
      tzinfo (~> 0.3.22)
      will_paginate (~> 3.0.pre)

GIT
  remote: git://github.com/thibaudgg/rails.git
  revision: e9c025e81aa20f480a3d2fc6001360ab6782ad94
  branch: spork
  specs:
    actionmailer (3.0.3)
      actionpack (= 3.0.3)
      mail (~> 2.2.9)
    actionpack (3.0.3)
      activemodel (= 3.0.3)
      activesupport (= 3.0.3)
      builder (~> 2.1.2)
      erubis (~> 2.6.6)
      i18n (~> 0.4)
      rack (~> 1.2.1)
      rack-mount (~> 0.6.13)
      rack-test (~> 0.5.6)
      tzinfo (~> 0.3.23)
    activemodel (3.0.3)
      activesupport (= 3.0.3)
      builder (~> 2.1.2)
      i18n (~> 0.4)
    activerecord (3.0.3)
      activemodel (= 3.0.3)
      activesupport (= 3.0.3)
      arel (~> 2.0.2)
      tzinfo (~> 0.3.23)
    activeresource (3.0.3)
      activemodel (= 3.0.3)
      activesupport (= 3.0.3)
    activesupport (3.0.3)
    rails (3.0.3)
      actionmailer (= 3.0.3)
      actionpack (= 3.0.3)
      activerecord (= 3.0.3)
      activeresource (= 3.0.3)
      activesupport (= 3.0.3)
      bundler (~> 1.0)
      railties (= 3.0.3)
    railties (3.0.3)
      actionpack (= 3.0.3)
      activesupport (= 3.0.3)
      rake (>= 0.8.7)
      thor (~> 0.14.4)

GIT
  remote: git://github.com/thibaudgg/voxel_hapi.git
  revision: f82d1d11506ca4424b872a27cca22d71479a8633
  branch: 1.9.2
  specs:
    voxel_hapi (1.1.1)
      bundler (~> 1.0.0)
      libxml-ruby (~> 1.1.3)
      rescue_me (~> 0.1.0)
      xml-simple (~> 1.0.12)

GEM
  remote: http://rubygems.org/
  specs:
    PageRankr (1.6.0)
      json (>= 1.4.6)
      nokogiri (>= 1.4.1)
    RedCloth (4.2.3)
    abstract (1.0.0)
    addressable (2.2.2)
    annotate (2.4.0)
    arel (2.0.6)
    array_stats (0.6.0)
    aws (2.3.34)
      activesupport
      http_connection
      uuidtools
      xml-simple
    bcrypt-ruby (2.1.3)
    braintree (2.6.2)
      builder
    bson (1.1.5)
    bson_ext (1.1.5)
    builder (2.1.2)
    capybara (0.4.0)
      celerity (>= 0.7.9)
      culerity (>= 0.2.4)
      mime-types (>= 1.16)
      nokogiri (>= 1.3.3)
      rack (>= 1.0.0)
      rack-test (>= 0.5.4)
      selenium-webdriver (>= 0.0.27)
      xpath (~> 0.1.2)
    carrierwave (0.5.1)
      activesupport (~> 3.0)
    celerity (0.8.6)
    childprocess (0.1.6)
      ffi (~> 0.6.3)
    closure-compiler (0.3.3)
    configuration (1.2.0)
    countries (0.3.0)
      currencies (>= 0.2.0)
    crack (0.1.8)
    createsend (0.2.0)
      hashie (~> 0.4.0)
      httparty (~> 0.6.1)
      json
    culerity (0.2.13)
    currencies (0.2.1)
    daemon_controller (0.2.5)
    daemons (1.1.0)
    dalli (1.0.1)
    database_cleaner (0.6.0)
    delayed_job (2.1.1)
      activesupport (~> 3.0)
      daemons
    diff-lcs (1.1.2)
    em-dir-watcher (0.9.4)
    em-websocket (0.2.0)
      addressable (>= 2.1.1)
      eventmachine (>= 0.12.9)
    erubis (2.6.6)
      abstract (>= 1.0.0)
    eventmachine (0.12.10)
    excon (0.3.7)
    factory_girl (1.3.2)
    factory_girl_rails (1.0.1)
      factory_girl (~> 1.3)
      railties (>= 3.0.0)
    fastthread (1.0.7)
    ffaker (1.0.0)
    ffi (0.6.3)
      rake (>= 0.8.7)
    file-tail (1.0.5)
      spruz (>= 0.1.0)
    fog (0.4.0)
      builder
      excon (>= 0.3.7)
      formatador (>= 0.0.16)
      json
      mime-types
      net-ssh (>= 2.0.23)
      nokogiri (>= 1.4.4)
      ruby-hmac
    formatador (0.0.16)
    growl (1.0.3)
    guard-bundler (0.1.1)
      guard (>= 0.2.2)
    guard-ego (0.0.1)
      guard (>= 0.2.1)
    guard-livereload (0.1.6)
      em-websocket (~> 0.2.0)
      guard (>= 0.2.2)
      json (~> 1.4.6)
    guard-passenger (0.2.0)
      guard (~> 0.2.1)
    guard-rspec (0.1.9)
      guard (>= 0.2.2)
    guard-spork (0.1.3)
      guard (>= 0.2.0)
      spork (>= 0.8.4)
    haml (3.0.24)
    hashie (0.4.0)
    heroku (1.16.2)
      json_pure (>= 1.2.0, < 1.5.0)
      launchy (~> 0.3.2)
      rest-client (>= 1.4.0, < 1.7.0)
    heroku_tasks (0.1.4)
    hoptoad_notifier (2.4.2)
      activesupport
      builder
    http_connection (1.4.0)
    httparty (0.6.1)
      crack (= 0.1.8)
    i18n (0.5.0)
    jammit (0.5.4)
      closure-compiler (>= 0.1.0)
      yui-compressor (>= 0.9.1)
    json (1.4.6)
    json_pure (1.4.6)
    launchy (0.3.7)
      configuration (>= 0.0.5)
      rake (>= 0.8.1)
    libxml-ruby (1.1.3)
    liquid (2.2.2)
    livereload (1.5)
      em-dir-watcher (>= 0.1)
      em-websocket (>= 0.1.2)
      ruby-json (>= 1.1.2)
    mail (2.2.13)
      activesupport (>= 2.3.6)
      i18n (>= 0.4.0)
      mime-types (~> 1.16)
      treetop (~> 1.4.8)
    meta_where (0.9.10)
      activerecord (~> 3.0.2)
      activesupport (~> 3.0.2)
      arel (~> 2.0.2)
    mime-types (1.16)
    mongo (1.1.5)
      bson (>= 1.1.5)
    net-ssh (2.0.23)
    nokogiri (1.4.4)
    open_gem (1.4.2)
      launchy (~> 0.3.5)
    paper_trail (1.6.4)
      actionpack (>= 2.3)
      activerecord (>= 2.3)
    passenger (3.0.2)
      daemon_controller (>= 0.2.5)
      fastthread (>= 1.0.1)
      file-tail
      rack
      rake (>= 0.8.1)
    pg (0.10.0)
    polyglot (0.3.1)
    prowl (0.1.3)
    public_suffix_service (0.8.1)
    rack (1.2.1)
    rack-google-analytics (0.9.2)
    rack-mount (0.6.13)
      rack (>= 1.0.0)
    rack-private (0.1.5)
    rack-ssl-enforcer (0.2.0)
    rack-test (0.5.7)
      rack (>= 1.0)
    rake (0.8.7)
    rb-fsevent (0.3.9)
    request-log-analyzer (1.9.10)
    rescue_me (0.1.0)
    responders (0.6.2)
    rest-client (1.6.1)
      mime-types (>= 1.16)
    rspec (2.4.0)
      rspec-core (~> 2.4.0)
      rspec-expectations (~> 2.4.0)
      rspec-mocks (~> 2.4.0)
    rspec-core (2.4.0)
    rspec-expectations (2.4.0)
      diff-lcs (~> 1.1.2)
    rspec-mocks (2.4.0)
    rspec-rails (2.4.1)
      actionpack (~> 3.0)
      activesupport (~> 3.0)
      railties (~> 3.0)
      rspec (~> 2.4.0)
    ruby-graphviz (0.9.20)
    ruby-hmac (0.4.0)
    ruby-json (1.1.2)
    rubyzip (0.9.4)
    selenium-webdriver (0.1.2)
      childprocess (~> 0.1.5)
      ffi (~> 0.6.3)
      json_pure
      rubyzip
    sequel (3.17.0)
    settingslogic (2.0.6)
    shoulda (2.11.3)
    silent-postgres (0.0.6)
    sinatra (1.0)
      rack (>= 1.0)
    spork (0.9.0.rc2)
    spruz (0.2.2)
    sqlite3-ruby (1.3.2)
    state_machine (0.9.4)
    steak (1.0.0.rc.2)
      rspec
    taps (0.3.14)
      json_pure (>= 1.2.0, < 1.5.0)
      rack (>= 1.0.1)
      rest-client (>= 1.4.0, < 1.7.0)
      sequel (~> 3.17.0)
      sinatra (~> 1.0.0)
      sqlite3-ruby (~> 1.2)
    thor (0.14.6)
    timecop (0.3.5)
    treetop (1.4.9)
      polyglot (>= 0.3.1)
    tzinfo (0.3.23)
    uniquify (0.1.0)
    uuidtools (2.1.1)
    vcr (1.4.0)
    warden (1.0.3)
      rack (>= 1.0.0)
    webmock (1.6.1)
      addressable (>= 2.2.2)
      crack (>= 0.1.7)
    will_paginate (3.0.pre2)
    wirble (0.1.3)
    xml-simple (1.0.12)
    xpath (0.1.2)
      nokogiri (~> 1.3)
    yui-compressor (0.9.1)
    zip (2.0.2)

PLATFORMS
  ruby

DEPENDENCIES
  PageRankr (= 1.6.0)
  RedCloth (= 4.2.3)
  activemerchant!
  annotate (~> 2.4.0)
  arel (= 2.0.6)
  array_stats (= 0.6.0)
  aws (= 2.3.34)
  bson_ext (= 1.1.5)
  bundler (= 1.0.7)
  capybara (~> 0.4.0)
  carrierwave (= 0.5.1)
  countries (= 0.3.0)
  createsend (= 0.2.0)
  dalli (= 1.0.1)
  database_cleaner (>= 0.6)
  delayed_job (= 2.1.1)
  devise!
  devise_invitable!
  factory_girl_rails (~> 1.0.1)
  ffaker (~> 1.0.0)
  fog (= 0.4.0)
  growl
  guard!
  guard-bundler
  guard-ego
  guard-livereload
  guard-passenger
  guard-rspec
  guard-spork
  haml (= 3.0.24)
  has_scope!
  heroku (~> 1.16.2)
  heroku_tasks (~> 0.1.4)
  hoptoad_notifier (= 2.4.2)
  i18n (= 0.5.0)
  jammit (= 0.5.4)
  libxml-ruby (= 1.1.3)
  liquid (= 2.2.2)
  livereload
  meta_where (= 0.9.10)
  mongo (= 1.1.5)
  mongoid!
  paper_trail (= 1.6.4)
  passenger (~> 3.0.2)
  pdfkit!
  pg (= 0.10.0)
  prowl (= 0.1.3)
  public_suffix_service (= 0.8.1)
  rack (= 1.2.1)
  rack-google-analytics (= 0.9.2)
  rack-private (= 0.1.5)
  rack-ssl-enforcer (= 0.2.0)
  rails!
  rb-fsevent (~> 0.3.9)
  request-log-analyzer (= 1.9.10)
  rescue_me (= 0.1.0)
  responders (= 0.6.2)
  rspec-rails (~> 2.4.1)
  ruby-graphviz
  settingslogic (= 2.0.6)
  shoulda (~> 2.11.3)
  silent-postgres
  spork (~> 0.9.0.rc2)
  state_machine (= 0.9.4)
  steak (= 1.0.0.rc.2)
  taps (~> 0.3.14)
  timecop (~> 0.3.5)
  uniquify (= 0.1.0)
  vcr (~> 1.4.0)
  voxel_hapi!
  webmock (~> 1.6.1)
  will_paginate (= 3.0.pre2)
  wirble (~> 0.1.3)
  zip (= 2.0.2)
