GIT
  remote: git://github.com/Jilion/useragent.git
  revision: 85527bbadb664cf3dd9d4dcd8f6c3e27ef2a3f5e
  specs:
    useragent (0.2.3)

GIT
  remote: git://github.com/rymai/active_merchant.git
  revision: 2f35b9f1c685b25d3f06f092684c2c7b581d4a9d
  ref: 2f35b9f1c685b25d3f06f092684c2c7b581d4a9d
  branch: 3ds_from_ZenCocoon
  specs:
    activemerchant (1.12.0)
      activesupport (>= 2.3.8)
      braintree (>= 2.0.0)
      builder (>= 2.0.0)

GIT
  remote: git://github.com/rymai/carrierwave.git
  revision: 7e18dd399c3227a33b4afc8a215bf8b8c1f00163
  specs:
    carrierwave (0.5.4)
      activesupport (~> 3.0)

GIT
  remote: git://github.com/thibaudgg/voxel_hapi.git
  revision: 590c89b458e21be52825ea9f7532182c68310715
  branch: 1.9.2
  specs:
    voxel_hapi (1.1.1)
      libxml-ruby (~> 2.2.0)
      rescue_me (~> 0.1.0)
      xml-simple (~> 1.0.12)

GIT
  remote: git://github.com/ttilley/rb-fsevent.git
  revision: f36a8cd01b49a6ce2a26d9e1083b5f6e6722c470
  branch: pre-compiled-gem-one-off
  specs:
    rb-fsevent (0.4.3.1pre1)

GEM
  remote: http://rubygems.org/
  specs:
    POpen4 (0.1.4)
      Platform (>= 0.4.0)
      open4
    PageRankr (1.6.0)
      json (>= 1.4.6)
      nokogiri (>= 1.4.1)
    Platform (0.4.0)
    RedCloth (4.2.7)
    abstract (1.0.0)
    actionmailer (3.0.10)
      actionpack (= 3.0.10)
      mail (~> 2.2.19)
    actionpack (3.0.10)
      activemodel (= 3.0.10)
      activesupport (= 3.0.10)
      builder (~> 2.1.2)
      erubis (~> 2.6.6)
      i18n (~> 0.5.0)
      rack (~> 1.2.1)
      rack-mount (~> 0.6.14)
      rack-test (~> 0.5.7)
      tzinfo (~> 0.3.23)
    activemodel (3.0.10)
      activesupport (= 3.0.10)
      builder (~> 2.1.2)
      i18n (~> 0.5.0)
    activerecord (3.0.10)
      activemodel (= 3.0.10)
      activesupport (= 3.0.10)
      arel (~> 2.0.10)
      tzinfo (~> 0.3.23)
    activeresource (3.0.10)
      activemodel (= 3.0.10)
      activesupport (= 3.0.10)
    activesupport (3.0.10)
    acts_as_api (0.3.6)
      activemodel (>= 3.0.0)
      activesupport (>= 3.0.0)
      rack (>= 1.1.0)
    addressable (2.2.6)
    annotate (2.4.0)
    arel (2.0.10)
    array_stats (0.6.0)
    aws (2.5.6)
      http_connection
      uuidtools
      xml-simple
    bcrypt-ruby (2.1.4)
    braintree (2.12.0)
      builder (>= 2.0.0)
    bson (1.4.0)
    bson_ext (1.4.0)
    builder (2.1.2)
    capybara (1.0.0.rc1)
      mime-types (>= 1.16)
      nokogiri (>= 1.3.3)
      rack (>= 1.0.0)
      rack-test (>= 0.5.4)
      selenium-webdriver (~> 0.2.0)
      xpath (~> 0.1.4)
    childprocess (0.2.2)
      ffi (~> 1.0.6)
    configuration (1.2.0)
    countries (0.3.0)
      currencies (>= 0.2.0)
    crack (0.3.1)
    createsend (1.0.0)
      hashie (~> 1.0)
      httparty (~> 0.8)
      json
    currencies (0.4.0)
    daemon_controller (0.2.6)
    daemons (1.1.4)
    dalli (1.0.5)
    database_cleaner (0.6.7)
    delayed_job (2.1.4)
      activesupport (~> 3.0)
      daemons
    devise (1.4.2)
      bcrypt-ruby (~> 2.1.2)
      orm_adapter (~> 0.0.3)
      warden (~> 1.0.3)
    devise_invitable (0.5.4)
      devise (~> 1.4.1)
      rails (>= 3.0.0, < 3.2)
    diff-lcs (1.1.3)
    em-websocket (0.3.1)
      addressable (>= 2.1.1)
      eventmachine (>= 0.12.9)
    erubis (2.6.6)
      abstract (>= 1.0.0)
    eventmachine (0.12.10)
    excon (0.6.6)
    factory_girl (2.1.2)
      activesupport
    factory_girl_rails (1.2.0)
      factory_girl (~> 2.1.0)
      railties (>= 3.0.0)
    faraday (0.7.5)
      addressable (~> 2.2.6)
      multipart-post (~> 1.1.3)
      rack (>= 1.1.0, < 2)
    faraday_middleware (0.7.0)
      faraday (~> 0.7.3)
    fastthread (1.0.7)
    ffaker (1.8.1)
    ffi (1.0.9)
    fog (0.10.0)
      builder
      excon (~> 0.6.5)
      formatador (~> 0.2.0)
      mime-types
      multi_json (~> 1.0.3)
      net-scp (~> 1.0.4)
      net-ssh (~> 2.1.4)
      nokogiri (~> 1.5.0)
      ruby-hmac
    formatador (0.2.1)
    growl_notify (0.0.3)
      rb-appscript
    guard (0.8.4)
      thor (~> 0.14.6)
    guard-bundler (0.1.3)
      bundler (>= 1.0.0)
      guard (>= 0.2.2)
    guard-livereload (0.3.1)
      em-websocket (>= 0.2.0)
      guard (>= 0.4.0)
      multi_json (~> 1.0.3)
    guard-passenger (0.3.0)
      guard (~> 0.3)
    guard-pow (0.2.1)
      guard (>= 0.3.0)
    guard-rspec (0.5.0)
      guard (>= 0.8.4)
    guard-spork (0.3.1)
      guard (>= 0.8.4)
      spork (>= 0.8.4)
    haml (3.1.2)
    has_scope (0.5.1)
    hashie (1.1.0)
    heroku (2.9.0)
      launchy (>= 0.3.2)
      rest-client (~> 1.6.1)
      rubyzip
      term-ansicolor (~> 1.0.5)
    hoptoad_notifier (2.4.11)
      activesupport
      builder
    http_connection (1.4.1)
    httparty (0.8.1)
      multi_json
      multi_xml
    i18n (0.5.0)
    jammit (0.6.3)
      yui-compressor (>= 0.9.3)
    json (1.6.1)
    json_pure (1.6.1)
    kaminari (0.12.4)
      rails (>= 3.0.0)
    launchy (2.0.5)
      addressable (~> 2.2.6)
    libxml-ruby (2.2.0)
    liquid (2.2.2)
    mail (2.2.19)
      activesupport (>= 2.3.6)
      i18n (>= 0.4.0)
      mime-types (~> 1.16)
      treetop (~> 1.4.8)
    meta_where (1.0.4)
      activerecord (~> 3.0.0)
      activesupport (~> 3.0.0)
      arel (~> 2.0.7)
    mime-types (1.16)
    mongo (1.4.0)
      bson (= 1.4.0)
    mongoid (2.2.3)
      activemodel (~> 3.0)
      mongo (~> 1.3)
      tzinfo (~> 0.3.22)
    multi_json (1.0.3)
    multi_xml (0.2.2)
    multipart-post (1.1.3)
    net-scp (1.0.4)
      net-ssh (>= 1.99.1)
    net-ssh (2.1.4)
    nokogiri (1.5.0)
    oauth (0.4.5)
    oauth-plugin (0.4.0.pre7)
      multi_json
      oauth (~> 0.4.4)
      oauth2
      rack
    oauth2 (0.5.1)
      faraday (~> 0.7.4)
      multi_json (~> 1.0.3)
    open4 (1.2.0)
    orm_adapter (0.0.5)
    paper_trail (2.2.9)
      rails (~> 3)
    passenger (3.0.9)
      daemon_controller (>= 0.2.5)
      fastthread (>= 1.0.1)
      rack
      rake (>= 0.8.1)
    pg (0.11.0)
    polyglot (0.3.2)
    prowl (0.1.3)
    public_suffix_service (0.8.1)
    rack (1.2.4)
    rack-google-analytics (0.9.2)
    rack-mount (0.6.14)
      rack (>= 1.0.0)
    rack-private (0.1.8)
    rack-ssl-enforcer (0.2.2)
    rack-test (0.5.7)
      rack (>= 1.0)
    rails (3.0.10)
      actionmailer (= 3.0.10)
      actionpack (= 3.0.10)
      activerecord (= 3.0.10)
      activeresource (= 3.0.10)
      activesupport (= 3.0.10)
      bundler (~> 1.0)
      railties (= 3.0.10)
    railties (3.0.10)
      actionpack (= 3.0.10)
      activesupport (= 3.0.10)
      rake (>= 0.8.7)
      rdoc (~> 3.4)
      thor (~> 0.14.4)
    rake (0.8.7)
    rb-appscript (0.6.1)
    rdoc (3.10)
      json (~> 1.4)
    request-log-analyzer (1.11.0)
    rescue_me (0.1.0)
    responders (0.6.2)
    rest-client (1.6.7)
      mime-types (>= 1.16)
    rspec (2.6.0)
      rspec-core (~> 2.6.0)
      rspec-expectations (~> 2.6.0)
      rspec-mocks (~> 2.6.0)
    rspec-core (2.6.4)
    rspec-expectations (2.6.0)
      diff-lcs (~> 1.1.2)
    rspec-instafail (0.1.8)
    rspec-mocks (2.6.0)
    rspec-rails (2.6.1)
      actionpack (~> 3.0)
      activesupport (~> 3.0)
      railties (~> 3.0)
      rspec (~> 2.6.0)
    ruby-graphviz (1.0.0)
    ruby-hmac (0.4.0)
    rubyzip (0.9.4)
    selenium-webdriver (0.2.2)
      childprocess (>= 0.1.9)
      ffi (>= 1.0.7)
      json_pure
      rubyzip
    sequel (3.20.0)
    settingslogic (2.0.6)
    shoulda (2.11.3)
    silent-postgres (0.1.1)
    simple_oauth (0.1.5)
    sinatra (1.0)
      rack (>= 1.0)
    spork (0.9.0.rc9)
    sqlite3 (1.3.4)
    sqlite3-ruby (1.3.3)
      sqlite3 (>= 1.3.3)
    state_machine (0.10.4)
    taps (0.3.23)
      rack (>= 1.0.1)
      rest-client (>= 1.4.0, < 1.7.0)
      sequel (~> 3.20.0)
      sinatra (~> 1.0.0)
      sqlite3-ruby (~> 1.2)
    term-ansicolor (1.0.6)
    thor (0.14.6)
    timecop (0.3.5)
    treetop (1.4.10)
      polyglot
      polyglot (>= 0.3.1)
    twitter (1.6.2)
      faraday (~> 0.7.4)
      faraday_middleware (~> 0.7.0)
      hashie (~> 1.1.0)
      multi_json (~> 1.0.0)
      multi_xml (~> 0.2.0)
      simple_oauth (~> 0.1.5)
    tzinfo (0.3.30)
    uniquify (0.1.0)
    uuidtools (2.1.2)
    vcr (1.10.3)
    warden (1.0.6)
      rack (>= 1.0)
    webmock (1.6.4)
      addressable (~> 2.2, > 2.2.5)
      crack (>= 0.1.7)
    wirble (0.1.3)
    xml-simple (1.0.16)
    xpath (0.1.4)
      nokogiri (~> 1.3)
    yui-compressor (0.9.6)
      POpen4 (>= 0.1.4)
    zip (2.0.2)

PLATFORMS
  ruby

DEPENDENCIES
  PageRankr (= 1.6.0)
  RedCloth (= 4.2.7)
  activemerchant!
  acts_as_api (= 0.3.6)
  addressable (= 2.2.6)
  annotate
  array_stats (= 0.6.0)
  aws (= 2.5.6)
  bson_ext (~> 1.4.0)
  capybara
  carrierwave!
  configuration (= 1.2.0)
  countries (= 0.3.0)
  createsend (= 1.0.0)
  dalli (= 1.0.5)
  database_cleaner
  delayed_job (= 2.1.4)
  devise (= 1.4.2)
  devise_invitable (= 0.5.4)
  factory_girl_rails
  ffaker
  fog (= 0.10.0)
  growl_notify
  guard-bundler
  guard-livereload
  guard-passenger
  guard-pow
  guard-rspec
  guard-spork
  haml (= 3.1.2)
  has_scope (= 0.5.1)
  heroku
  hoptoad_notifier (= 2.4.11)
  jammit (= 0.6.3)
  kaminari (= 0.12.4)
  libxml-ruby (= 2.2.0)
  liquid (= 2.2.2)
  meta_where (= 1.0.4)
  mongo (~> 1.4.0)
  mongoid (~> 2.2.0)
  oauth (= 0.4.5)
  oauth-plugin (= 0.4.0.pre7)
  paper_trail (= 2.2.9)
  passenger
  pg (= 0.11.0)
  prowl (= 0.1.3)
  public_suffix_service (= 0.8.1)
  rack-google-analytics (= 0.9.2)
  rack-private
  rack-ssl-enforcer (= 0.2.2)
  rails (= 3.0.10)
  rake (= 0.8.7)
  rb-fsevent!
  request-log-analyzer (= 1.11.0)
  rescue_me (= 0.1.0)
  responders (= 0.6.2)
  rspec-instafail
  rspec-rails (~> 2.6.0)
  ruby-graphviz
  settingslogic (= 2.0.6)
  shoulda
  silent-postgres
  spork (= 0.9.0.rc9)
  state_machine (= 0.10.4)
  taps
  timecop
  twitter (= 1.6.2)
  uniquify (= 0.1.0)
  useragent!
  vcr (~> 1.10.3)
  voxel_hapi!
  webmock (~> 1.6.4)
  wirble
  zip (= 2.0.2)
