GIT
  remote: git://github.com/Jilion/useragent.git
  revision: bc6ab85b0d7afc76504bf6fa3763130dad9d3e7c
  specs:
    useragent (0.2.3)

PATH
  remote: .
  specs:
    stat_request_parser (0.0.1)
      activesupport (>= 3.0.0)

GEM
  remote: http://rubygems.org/
  specs:
    activesupport (3.1.1)
      multi_json (~> 1.0)
    diff-lcs (1.1.3)
    growl_notify (0.0.3)
      rb-appscript
    guard (0.8.8)
      thor (~> 0.14.6)
    guard-rspec (0.5.0)
      guard (>= 0.8.4)
    multi_json (1.0.3)
    rake (0.9.2.2)
    rb-appscript (0.6.1)
    rb-fsevent (0.9.0.pre3)
    rspec (2.7.0)
      rspec-core (~> 2.7.0)
      rspec-expectations (~> 2.7.0)
      rspec-mocks (~> 2.7.0)
    rspec-core (2.7.1)
    rspec-expectations (2.7.0)
      diff-lcs (~> 1.1.2)
    rspec-mocks (2.7.0)
    thor (0.14.6)

PLATFORMS
  ruby

DEPENDENCIES
  bundler
  growl_notify
  guard-rspec
  rake
  rb-fsevent (~> 0.9.0.pre3)
  rspec (~> 2.7.0)
  stat_request_parser!
  useragent!
